{
  "bids_meta": {
    "AcquisitionDuration": 488,
    "AcquisitionMatrix": "256x200",
    "EchoTime": 0.0037,
    "FieldofViewDimensions": "256x200",
    "FieldofViewShape": "Rectangle",
    "FlipAngle": 8,
    "InversionTime": 1.0,
    "MagneticFieldStrength": 3,
    "Manufacturer": "Philips",
    "ManufacturersModelName": "Achieva",
    "NumberOfSlices": 200.0,
    "ParallelAcquisition": "Yes",
    "ParallelAcquisitionTechnique": "SENSE",
    "ParallelReductionFactorIn-plane": 1.0,
    "ParallelReductionFactorout-of-plane": 2.0,
    "PhaseEncodingDirection": "i",
    "PixelBandwidth": 191.5,
    "PixelSpacing": "1x1",
    "PlaneOrientationSequence": "Coronal",
    "ReceiveCoilType": "Head",
    "RepetitionTime": 3.5,
    "ScanningSequence": "MPRAGE",
    "SliceThickness": 1.0,
    "SpacingBetweenSlices": 1.0,
    "dataset": "<unset>",
    "modality": "T1w",
    "run_id": 1,
    "session_id": "01",
    "subject_id": "106"
  },
  "cjv": 0.5441102338066967,
  "cnr": 1.8549947061106218,
  "efc": 0.6680800868396215,
  "fber": -1.0,
  "fwhm_avg": 3.779943641007788,
  "fwhm_x": 3.81649,
  "fwhm_y": 3.9812107118959505,
  "fwhm_z": 3.5421302111274127,
  "icvs_csf": 0.2736459899347156,
  "icvs_gm": 0.37946595931759974,
  "icvs_wm": 0.3468880507476846,
  "inu_med": 0.849463552236557,
  "inu_range": 0.1806530565023421,
  "provenance": {
    "md5sum": "6795ca655e684067451d6dd942e8946e",
    "settings": {
      "testing": false
    },
    "software": "mriqc",
    "version": "23.1.0",
    "warnings": {
      "large_rot_frame": true,
      "small_air_mask": false
    }
  },
  "qi_1": 0.0,
  "qi_2": 0.0008598188105513418,
  "rpve_csf": 8.317560957510656,
  "rpve_gm": 8.242396220457517,
  "rpve_wm": 8.389830860043269,
  "size_x": 256,
  "size_y": 200,
  "size_z": 256,
  "snr_csf": 1.9800738774286988,
  "snr_gm": 3.4098627138784536,
  "snr_total": 4.615099316611453,
  "snr_wm": 8.455361358527206,
  "snrd_csf": 51.206191827357486,
  "snrd_gm": 80.26132263282149,
  "snrd_total": 88.0762621017901,
  "snrd_wm": 132.76127184519132,
  "spacing_x": 1.0,
  "spacing_y": 0.9999998211860657,
  "spacing_z": 0.9999999403953552,
  "summary_bg_k": 219.38220610765796,
  "summary_bg_mad": 0.0,
  "summary_bg_mean": 0.6003345019402478,
  "summary_bg_median": 0.0,
  "summary_bg_n": 5527089.0,
  "summary_bg_p05": 0.0,
  "summary_bg_p95": 0.0,
  "summary_bg_stdv": 4.712380665138519,
  "summary_csf_k": -0.3415245093789041,
  "summary_csf_mad": 143.0637655642364,
  "summary_csf_mean": 357.0310405910959,
  "summary_csf_median": 368.3249294385314,
  "summary_csf_n": 423397.1161353799,
  "summary_csf_p05": 55.183510679751635,
  "summary_csf_p95": 650.7218706160784,
  "summary_csf_stdv": 186.01553137636836,
  "summary_gm_k": -0.283947534098163,
  "summary_gm_mad": 116.3078112113035,
  "summary_gm_mean": 583.2357151694214,
  "summary_gm_median": 577.3177996724844,
  "summary_gm_n": 587126.4288760354,
  "summary_gm_p05": 311.9673015102744,
  "summary_gm_p95": 885.8497210852802,
  "summary_gm_stdv": 169.30807967007635,
  "summary_wm_k": 0.2210815486748281,
  "summary_wm_mad": 89.16502378338843,
  "summary_wm_mean": 933.4171079990817,
  "summary_wm_median": 954.9486954510212,
  "summary_wm_n": 536720.4552985864,
  "summary_wm_p05": 716.9507805965841,
  "summary_wm_p95": 1085.5366249792278,
  "summary_wm_stdv": 112.9399165031492,
  "tpm_overlap_csf": 0.23238904829680035,
  "tpm_overlap_gm": 0.5305013827912345,
  "tpm_overlap_wm": 0.539076398769655,
  "wm2max": 0.3774661605927112
}