{
  "bids_meta": {
    "AccelNumReferenceLines": 32,
    "AccelerationFactorPE": 2,
    "AcquisitionMatrix": "0/256/256/0",
    "DeviceSerialNumber": "35343",
    "EchoTime": 0.00331,
    "EchoTrainLength": 1,
    "FlipAngle": 7,
    "ImageType": "ORIGINAL/PRIMARY/M/ND/NORM",
    "ImagingFrequency": 123249567,
    "InPlanePhaseEncodingDirection": "ROW",
    "InversionTime": 1.1,
    "MRAcquisitionType": "3D",
    "MagneticFieldStrength": 3,
    "ManufacturerModelName": "TrioTim",
    "NumberOfAverages": 1,
    "NumberOfPhaseEncodingSteps": 255,
    "PatientPosition": "HFS",
    "PercentPhaseFieldOfView": 100,
    "PercentSampling": 100,
    "PhaseEncodingDirection": "i-",
    "PixelBandwidth": 200,
    "ProtocolName": "MPRAGE - BWM",
    "ReceiveCoilName": "HeadMatrix",
    "RepetitionTime": 2.53,
    "ScanOptions": "IR",
    "ScanningSequence": "GR/IR",
    "SequenceName": "*tfl3d1_ns",
    "SequenceVariant": "SP/MP",
    "SoftwareVersions": "syngo MR B15",
    "TotalScanTimeSec": 363,
    "TransmitCoilName": "Body",
    "VariableFlipAngleFlag": "N",
    "dataset": "<unset>",
    "modality": "T1w",
    "subject_id": "10492"
  },
  "cjv": 0.6522570313741897,
  "cnr": 1.29939091177085,
  "efc": 0.463177073030421,
  "fber": 10288.365207756233,
  "fwhm_avg": 3.65095,
  "fwhm_x": 3.70488,
  "fwhm_y": 3.85344,
  "fwhm_z": 3.39453,
  "icvs_csf": 0.2741884318328515,
  "icvs_gm": 0.37360637726616935,
  "icvs_wm": 0.352205190900979,
  "inu_med": 0.5172185301780701,
  "inu_range": 0.15725546330213547,
  "provenance": {
    "md5sum": "a5beee859a872c4f215ef37b8ff31627",
    "settings": {
      "testing": false
    },
    "software": "mriqc",
    "version": "23.1.0",
    "warnings": {
      "large_rot_frame": true,
      "small_air_mask": false
    }
  },
  "qi_1": 0.0,
  "qi_2": 0.0003235286471280781,
  "rpve_csf": 7.844343608837925,
  "rpve_gm": 7.702737006006893,
  "rpve_wm": 7.787522152658671,
  "size_x": 176,
  "size_y": 256,
  "size_z": 256,
  "snr_csf": 1.4063652030744427,
  "snr_gm": 3.579601001833122,
  "snr_total": 3.893792558219419,
  "snr_wm": 6.695411469750692,
  "snrd_csf": 30.04264068659156,
  "snrd_gm": 82.7075245305484,
  "snrd_total": 77.87106354109262,
  "snrd_wm": 120.86302540613792,
  "spacing_x": 1.0,
  "spacing_y": 1.0,
  "spacing_z": 1.0,
  "summary_bg_k": 562.3061224089439,
  "summary_bg_mad": 4.961368973804597,
  "summary_bg_mean": 6.543321827558006,
  "summary_bg_median": 3.3463925197720528,
  "summary_bg_n": 4814082.0,
  "summary_bg_p05": 0.0,
  "summary_bg_p95": 22.853412330150604,
  "summary_bg_stdv": 12.073278238386036,
  "summary_csf_k": -0.6090307899927523,
  "summary_csf_mad": 130.47795356109285,
  "summary_csf_mean": 270.56046398962144,
  "summary_csf_median": 227.51388167962432,
  "summary_csf_n": 398663.3993721031,
  "summary_csf_p05": 70.49869607202709,
  "summary_csf_p95": 591.5564971994609,
  "summary_csf_stdv": 161.77419338607373,
  "summary_gm_k": 0.5319928073602957,
  "summary_gm_mad": 84.94831755148358,
  "summary_gm_mean": 623.8574854877769,
  "summary_gm_median": 626.3467365056276,
  "summary_gm_n": 543214.7060049018,
  "summary_gm_p05": 303.5218825098127,
  "summary_gm_p95": 946.5597719494253,
  "summary_gm_stdv": 174.97652941376256,
  "summary_wm_k": -0.6809088945584185,
  "summary_wm_mad": 103.52319895341056,
  "summary_wm_mean": 872.8242058950409,
  "summary_wm_median": 915.2995686549693,
  "summary_wm_n": 512097.89465764625,
  "summary_wm_p05": 621.2047187313437,
  "summary_wm_p95": 1039.9322851840407,
  "summary_wm_stdv": 136.70536592312692,
  "tpm_overlap_csf": 0.20144339148312498,
  "tpm_overlap_gm": 0.5289157221865506,
  "tpm_overlap_wm": 0.55987078026238,
  "wm2max": 0.82267175292521
}