{
  "aor": 0.0013687878787878786,
  "aqi": 0.011205745353535353,
  "bids_meta": {
    "CogAtlasID": "http://www.cognitiveatlas.org/term/id/trm_54e69c642d89b",
    "EchoTime": 0.03,
    "EffectiveEchoSpacing": 0.0005,
    "FlipAngle": 80,
    "Instructions": "Subjects were instructed to close their eyes during the scan.",
    "MagneticFieldStrength": 3,
    "Manufacturer": "Siemens",
    "ManufacturersModelName": "Verio",
    "PhaseEncodingDirection": "j-",
    "RepetitionTime": 2.5,
    "SliceTiming": [
      0,
      0.065,
      0.13,
      0.195,
      0.2575,
      0.3225,
      0.3875,
      0.4525,
      0.515,
      0.58,
      0.645,
      0.7075,
      0.7725,
      0.8375,
      0.9025,
      0.965,
      1.03,
      1.095,
      1.16,
      1.2225,
      1.2875,
      1.3525,
      1.4175,
      1.48,
      1.545,
      1.61,
      1.675,
      1.7375,
      1.8025,
      1.8675,
      1.9325,
      1.995,
      2.06,
      2.125,
      2.1875,
      2.2525,
      2.3175,
      2.3825,
      2.445
    ],
    "SoftwareVersions": "syngo_MR_B17",
    "TaskName": "rest",
    "TotalReadoutTime": 0.0315,
    "dataset": "<unset>",
    "modality": "bold",
    "run_id": 1,
    "session_id": "01",
    "subject_id": "708",
    "task_id": "rest"
  },
  "dummy_trs": 0,
  "dvars_nstd": 22.772904110152293,
  "dvars_std": 1.1703336740609134,
  "dvars_vstd": 0.9544078627918777,
  "efc": 0.5200498886786871,
  "fber": 1564.118896484375,
  "fd_mean": 0.29594545968097824,
  "fd_num": 142,
  "fd_perc": 71.71717171717172,
  "fwhm_avg": 1.7089927840025858,
  "fwhm_x": 1.6788699999999999,
  "fwhm_y": 1.8178633333333334,
  "fwhm_z": 1.630245018674424,
  "gcor": 0.0687568,
  "gsr_x": -0.009219945408403873,
  "gsr_y": 0.028578516095876694,
  "provenance": {
    "md5sum": "08df26e62abd4247bd54a7f83281f45f",
    "settings": {
      "fd_thres": 0.2,
      "testing": false
    },
    "software": "mriqc",
    "version": "23.1.0"
  },
  "size_t": 198,
  "size_x": 64,
  "size_y": 64,
  "size_z": 39,
  "snr": 4.43951762317743,
  "spacing_tr": 2.5,
  "spacing_x": 3.0,
  "spacing_y": 3.0,
  "spacing_z": 3.509999990463257,
  "summary_bg_k": 47.73444507536642,
  "summary_bg_mad": 14.29438273825676,
  "summary_bg_mean": 47.25198720636917,
  "summary_bg_median": 19.34848403930664,
  "summary_bg_n": 122423.0,
  "summary_bg_p05": 7.878787994384766,
  "summary_bg_p95": 189.18182373046875,
  "summary_bg_stdv": 81.27423923755698,
  "summary_fg_k": 1.573401583159991,
  "summary_fg_mad": 130.05717133344785,
  "summary_fg_mean": 783.1814453167112,
  "summary_fg_median": 765.2120971679688,
  "summary_fg_n": 37321.0,
  "summary_fg_p05": 514.98486328125,
  "summary_fg_p95": 1103.904052734375,
  "summary_fg_stdv": 172.3614839011685,
  "tsnr": 58.49328725133091
}