{
  "bids_meta": {
    "AcquisitionDuration": 103,
    "AcquisitionMatrix": "208x207",
    "EchoTime": "0.0046",
    "FieldofViewDimensions": "250x250",
    "FieldofViewShape": "Rectangle",
    "FlipAngle": 8,
    "InversionTime": 0.9,
    "MagneticFieldStrength": 3.0,
    "Manufacturer": "Philips",
    "ManufacturersModelName": "Achieva Ds",
    "Notes": "Reconstructed Voxels 0.98x0.98x1.2",
    "NumberOfSlices": 182,
    "ParallelAcquisition": "Yes",
    "ParallelAcquisitionTechnique": "SENSE",
    "ParallelReductionFactorIn-plane": 1.5,
    "ParallelReductionFactorout-of-plane": 2.5,
    "PhaseEncodingDirection": "i",
    "PixelBandwidth": 131.0,
    "PixelSpacing": "1.2x1.2",
    "PlaneOrientationSequence": "Coronal",
    "ReceiveCoilName": "32 Chan",
    "ReceiveCoilType": "Head",
    "RepetitionTime": "0.0094",
    "ScanningSequence": "3D TFE",
    "SliceThickness": 1.2,
    "dataset": "<unset>",
    "modality": "T1w",
    "run_id": 1,
    "session_id": "01",
    "subject_id": "305"
  },
  "cjv": 0.649039811961083,
  "cnr": 1.8452397770125168,
  "efc": 0.7837428185358694,
  "fber": -1.0,
  "fwhm_avg": 5.021750639087816,
  "fwhm_x": 4.793016027457518,
  "fwhm_y": 5.53322532980593,
  "fwhm_z": 4.73901056,
  "icvs_csf": 0.2884101849156664,
  "icvs_gm": 0.3741223530007126,
  "icvs_wm": 0.33746746208362094,
  "inu_med": 0.7552620768547058,
  "inu_range": 0.28039042055606844,
  "provenance": {
    "md5sum": "c489887a43873668624f53e491b28068",
    "settings": {
      "testing": false
    },
    "software": "mriqc",
    "version": "23.1.0",
    "warnings": {
      "large_rot_frame": true,
      "small_air_mask": false
    }
  },
  "qi_1": 0.0,
  "qi_2": 0.0010413114767437205,
  "rpve_csf": 8.597217400850107,
  "rpve_gm": 8.517165058409951,
  "rpve_wm": 8.645844823535866,
  "size_x": 256,
  "size_y": 182,
  "size_z": 256,
  "snr_csf": 2.0804652599904245,
  "snr_gm": 3.634356291168894,
  "snr_total": 4.06589554058741,
  "snr_wm": 6.4828650706029105,
  "snrd_csf": 278.8122195744924,
  "snrd_gm": 487.7360907552536,
  "snrd_total": 532.1774651341328,
  "snrd_wm": 829.9840850726524,
  "spacing_x": 0.9765625596046448,
  "spacing_y": 1.1999999284744263,
  "spacing_z": 0.9765625,
  "summary_bg_k": 4151.1447320616,
  "summary_bg_mad": 0.0,
  "summary_bg_mean": 0.020071125188564177,
  "summary_bg_median": 0.0,
  "summary_bg_n": 5236829.0,
  "summary_bg_p05": 0.0,
  "summary_bg_p95": 0.0,
  "summary_bg_stdv": 0.7162170044187175,
  "summary_csf_k": -0.6873820000872053,
  "summary_csf_mad": 107.4825626558826,
  "summary_csf_mean": 303.5614101822315,
  "summary_csf_median": 304.8068351857364,
  "summary_csf_n": 394046.1833561211,
  "summary_csf_p05": 67.84871460311115,
  "summary_csf_p95": 545.9593266043812,
  "summary_csf_stdv": 146.50879026046545,
  "summary_gm_k": -0.7648019190194275,
  "summary_gm_mad": 112.74715892009249,
  "summary_gm_mean": 534.5006919483624,
  "summary_gm_median": 533.209392528981,
  "summary_gm_n": 511152.1472490633,
  "summary_gm_p05": 295.46482741460204,
  "summary_gm_p95": 775.243655089289,
  "summary_gm_stdv": 146.71342824817702,
  "summary_wm_k": -0.859342161199212,
  "summary_wm_mad": 130.09559358940163,
  "summary_wm_mean": 882.8442791083577,
  "summary_wm_median": 907.3663364239037,
  "summary_wm_n": 461071.6694343204,
  "summary_wm_p05": 626.6533018928021,
  "summary_wm_p95": 1072.6626780070364,
  "summary_wm_stdv": 139.9636337585553,
  "tpm_overlap_csf": 0.21442547999630795,
  "tpm_overlap_gm": 0.5469947583627149,
  "tpm_overlap_wm": 0.574968703936455,
  "wm2max": 0.6600418109113989
}