{
  "NumberOfShells": 1,
  "b-values": [
    1000.0
  ],
  "bids_meta": {
    "AccelerationFactorPE": 1,
    "AcquisitionMatrix": "96/0/0/96",
    "DeviceSerialNumber": "35343",
    "EPIFactor": 128,
    "EchoTime": 0.0926,
    "EchoTrainLength": 1,
    "EffectiveEchoSpacing": 0.000689983,
    "FlipAngle": 90,
    "ImageType": "ORIGINAL/PRIMARY/M/ND/MOSAIC",
    "ImagingFrequency": 123250086,
    "InPlanePhaseEncodingDirection": "COL",
    "MRAcquisitionType": "2D",
    "MagneticFieldStrength": 3,
    "ManufacturerModelName": "TrioTim",
    "NumberOfAverages": 1,
    "NumberOfPhaseEncodingSteps": 72,
    "PatientPosition": "HFS",
    "PercentPhaseFieldOfView": 100,
    "PercentSampling": 100,
    "PhaseEncodingDirection": "j-",
    "PixelBandwidth": 2265,
    "ProtocolName": "DTI 64dir",
    "ReceiveCoilName": "HeadMatrix",
    "RepetitionTime": 8.4,
    "ScanOptions": "PFP/FS",
    "ScanningSequence": "EP",
    "SequenceName": "*ep_b1000#10",
    "SequenceVariant": "SK/SP",
    "SliceTiming": [
      4.215,
      0,
      4.3575,
      0.14,
      4.4975,
      0.28,
      4.6375,
      0.4225,
      4.7775,
      0.5625,
      4.92,
      0.7025,
      5.06,
      0.8425,
      5.2,
      0.9825,
      5.34,
      1.125,
      5.48,
      1.265,
      5.6225,
      1.405,
      5.7625,
      1.545,
      5.9025,
      1.6875,
      6.0425,
      1.8275,
      6.185,
      1.9675,
      6.325,
      2.1075,
      6.465,
      2.2475,
      6.605,
      2.39,
      6.745,
      2.53,
      6.8875,
      2.67,
      7.0275,
      2.81,
      7.1675,
      2.95,
      7.3075,
      3.0925,
      7.45,
      3.2325,
      7.59,
      3.3725,
      7.73,
      3.5125,
      7.87,
      3.655,
      8.01,
      3.795,
      8.1525,
      3.935,
      8.2925,
      4.075
    ],
    "SoftwareVersions": "syngo MR B15",
    "TotalReadoutTime": 0.088317824,
    "TotalScanTimeSec": 556,
    "TransmitCoilName": "Body",
    "VariableFlipAngleFlag": "N",
    "dataset": "<unset>",
    "modality": "dwi",
    "subject_id": "10377"
  },
  "provenance": {
    "md5sum": "0a7912c1c857cf2dd5e7b4d36ea9447e",
    "settings": {
      "testing": false
    },
    "software": "mriqc",
    "version": "23.1.0"
  }
}