{
  "aor": 0.004455064102564103,
  "aqi": 0.00854743,
  "bids_meta": {
    "AcquisitionDuration": 400,
    "AcquisitionMatrix": "84x81",
    "EchoTime": 0.03,
    "FieldofViewDimensions": "256x256",
    "FieldofViewShape": "Rectangular",
    "FlipAngle": 75,
    "Instructions": "Participants were asked to simply look at a crosshair on a black computer screen",
    "MagneicFieldStrength": 3,
    "Manufacturer": "Philips",
    "ManufacturersModelName": "Achieva",
    "Notes": "Voxels reconstructed in-plane to 2.67x2.67",
    "NumberOfSlices": 47.0,
    "NumberofMeasurements": 156.0,
    "ParallelAcquisition": "Yes",
    "ParallelAcquisitionTechnique": "SENSE",
    "ParallelReductionFactorIn-plane": 3.0,
    "PhaseEncodingDirection": "j-",
    "PixelBandwidth": 2696.9,
    "PixelSpacing": "3.05x3.15",
    "PlaneOrientationSequentialuence": "Axial",
    "PulseSequenceType": "EPI",
    "ReceiveCoilType": "Head",
    "RepetitionTime": 2.5,
    "ScanOptions": "FS",
    "SliceAcquisitionOrder": "Sequential Ascending",
    "SliceEncodingDirection": "k",
    "SliceThickness": 3.0,
    "SliceTiming": [
      0.0,
      0.05319,
      0.10638,
      0.15957,
      0.21277000000000001,
      0.26596,
      0.31915,
      0.37233999999999995,
      0.42552999999999996,
      0.47872000000000003,
      0.53191,
      0.58511,
      0.6383,
      0.69149,
      0.7446799999999999,
      0.79787,
      0.8510599999999999,
      0.90426,
      0.95745,
      1.01064,
      1.0638299999999998,
      1.11702,
      1.17021,
      1.2234,
      1.2766,
      1.32979,
      1.38298,
      1.4361700000000002,
      1.4893599999999998,
      1.5425499999999999,
      1.59574,
      1.64894,
      1.7021300000000001,
      1.75532,
      1.80851,
      1.8617000000000001,
      1.9148900000000002,
      1.96809,
      2.02128,
      2.07447,
      2.1276599999999997,
      2.18085,
      2.23404,
      2.28723,
      2.34043,
      2.39362,
      2.44681
    ],
    "SpacingBetweenSlices": 3.0,
    "TaskDescription": "Children taking psychostimulants were asked to withhold them the day prior to and the day of the scan. During the resting state fMRI scan participants were asked to simply look at a crosshair on a black computer screen.",
    "TaskName": "rest",
    "dataset": "<unset>",
    "modality": "bold",
    "run_id": 1,
    "session_id": "01",
    "subject_id": "106",
    "task_id": "rest"
  },
  "dummy_trs": 0,
  "dvars_nstd": 29.827400551870973,
  "dvars_std": 1.062349878580645,
  "dvars_vstd": 0.9493752205161288,
  "efc": 0.3751376913219577,
  "fber": 48751.859375,
  "fd_mean": 0.18272296145940156,
  "fd_num": 35,
  "fd_perc": 22.435897435897434,
  "fwhm_avg": 2.571210761314653,
  "fwhm_x": 2.5339549837732496,
  "fwhm_y": 2.7334306335040424,
  "fwhm_z": 2.4462466666666667,
  "gcor": 0.0298356,
  "gsr_x": -0.010584758594632149,
  "gsr_y": 0.0017924550920724869,
  "provenance": {
    "md5sum": "4c6ec0020148981908d14ffb89c43f7f",
    "settings": {
      "fd_thres": 0.2,
      "testing": false
    },
    "software": "mriqc",
    "version": "23.1.0"
  },
  "size_t": 156,
  "size_x": 96,
  "size_y": 96,
  "size_z": 47,
  "snr": 3.090815638384661,
  "spacing_tr": 2.5,
  "spacing_x": 2.6700000762939453,
  "spacing_y": 2.6700000762939453,
  "spacing_z": 3.0,
  "summary_bg_k": 143.15894914613838,
  "summary_bg_mad": 2.3569570557833415,
  "summary_bg_mean": 19.67103474563138,
  "summary_bg_median": 3.6217949390411377,
  "summary_bg_n": 367288.0,
  "summary_bg_p05": 1.4807692766189575,
  "summary_bg_p95": 84.33333587646484,
  "summary_bg_stdv": 54.528922584923464,
  "summary_fg_k": 0.5813004192389419,
  "summary_fg_mad": 257.83976445862197,
  "summary_fg_mean": 827.403857133592,
  "summary_fg_median": 799.6859130859375,
  "summary_fg_n": 65864.0,
  "summary_fg_p05": 464.7884826660156,
  "summary_fg_p95": 1285.218017578125,
  "summary_fg_stdv": 258.7277715292065,
  "tsnr": 44.841832417296246
}