{
  "bids_meta": {
    "AccelNumReferenceLines": 32,
    "AccelerationFactorPE": 2,
    "AcquisitionMatrix": "0/256/256/0",
    "DeviceSerialNumber": "35343",
    "EchoTime": 0.0035,
    "EchoTrainLength": 1,
    "FlipAngle": 7,
    "ImageType": "ORIGINAL/PRIMARY/M/ND/NORM",
    "ImagingFrequency": 123250095,
    "InPlanePhaseEncodingDirection": "ROW",
    "InversionTime": 1.1,
    "MRAcquisitionType": "3D",
    "MagneticFieldStrength": 3,
    "ManufacturerModelName": "TrioTim",
    "NumberOfAverages": 1,
    "NumberOfPhaseEncodingSteps": 255,
    "PatientPosition": "HFS",
    "PercentPhaseFieldOfView": 100,
    "PercentSampling": 100,
    "PhaseEncodingDirection": "i-",
    "PixelBandwidth": 200,
    "ProtocolName": "MPRAGE - BWM",
    "ReceiveCoilName": "HeadMatrix",
    "RepetitionTime": 2.53,
    "ScanOptions": "IR",
    "ScanningSequence": "GR/IR",
    "SequenceName": "*tfl3d1_ns",
    "SequenceVariant": "SP/MP",
    "SoftwareVersions": "syngo MR B15",
    "TotalScanTimeSec": 363,
    "TransmitCoilName": "Body",
    "VariableFlipAngleFlag": "N",
    "dataset": "<unset>",
    "modality": "T1w",
    "subject_id": "10377"
  },
  "cjv": 0.9301269751374728,
  "cnr": 0.9187957956119976,
  "efc": 0.6619267432121638,
  "fber": 3492.744696437838,
  "fwhm_avg": 3.108005567765568,
  "fwhm_x": 2.99128,
  "fwhm_y": 3.303961318681319,
  "fwhm_z": 3.0287753846153844,
  "icvs_csf": 0.2593425086734089,
  "icvs_gm": 0.365076682283451,
  "icvs_wm": 0.37558080904314006,
  "inu_med": 0.742638349533081,
  "inu_range": 0.34297496676445016,
  "provenance": {
    "md5sum": "b631b0b9950229269e08b749957ceb3d",
    "settings": {
      "testing": false
    },
    "software": "mriqc",
    "version": "23.1.0",
    "warnings": {
      "large_rot_frame": true,
      "small_air_mask": false
    }
  },
  "qi_1": 0.0,
  "qi_2": 0.0009400746926458012,
  "rpve_csf": 3.62460112972019,
  "rpve_gm": 3.463726801527138,
  "rpve_wm": 3.5489832964136045,
  "size_x": 176,
  "size_y": 256,
  "size_z": 256,
  "snr_csf": 1.6449811477287057,
  "snr_gm": 4.220214299372831,
  "snr_total": 4.6628198522087265,
  "snr_wm": 8.123264109524644,
  "snrd_csf": 26.844379296906883,
  "snrd_gm": 56.07934447029552,
  "snrd_total": 51.636949520530294,
  "snrd_wm": 71.98712479438849,
  "spacing_x": 1.0,
  "spacing_y": 0.7109375,
  "spacing_z": 0.7109375,
  "summary_bg_k": 121.31463586472502,
  "summary_bg_mad": 9.020182195565457,
  "summary_bg_mean": 28.899694565348373,
  "summary_bg_median": 6.084020435810089,
  "summary_bg_n": 3175833.0,
  "summary_bg_p05": 0.0,
  "summary_bg_p95": 89.58720091730356,
  "summary_bg_stdv": 92.00647980969565,
  "summary_csf_k": -0.9022984616318968,
  "summary_csf_mad": 193.66331173879036,
  "summary_csf_mean": 391.264848934784,
  "summary_csf_median": 369.6042414754629,
  "summary_csf_n": 804094.0419075459,
  "summary_csf_p05": 65.37279958277941,
  "summary_csf_p95": 772.488074734807,
  "summary_csf_stdv": 224.68586473420524,
  "summary_gm_k": 2.699322829150619,
  "summary_gm_mad": 102.28886609771229,
  "summary_gm_mean": 782.0424512233907,
  "summary_gm_median": 772.1230335086584,
  "summary_gm_n": 1131923.9046660622,
  "summary_gm_p05": 492.04515274614096,
  "summary_gm_p95": 1092.9030109867454,
  "summary_gm_stdv": 182.95817171100975,
  "summary_wm_k": -0.006887552415072218,
  "summary_wm_mad": 101.43194878913357,
  "summary_wm_mean": 985.0825852952963,
  "summary_wm_median": 991.1477691978216,
  "summary_wm_n": 1164492.054739539,
  "summary_wm_p05": 774.2524406611919,
  "summary_wm_p95": 1173.6683822721243,
  "summary_wm_stdv": 122.01343330259769,
  "tpm_overlap_csf": 0.21354141881158895,
  "tpm_overlap_gm": 0.518062614413164,
  "tpm_overlap_wm": 0.5425863583905439,
  "wm2max": 0.5554965227549148
}