{
  "bids_meta": {
    "AcquisitionMatrixPE": 256,
    "AcquisitionNumber": 1,
    "AcquisitionTime": "15:43:27.175000",
    "BaseResolution": 256,
    "BodyPartExamined": "HEAD",
    "CoilCombinationMethod": "Adaptive Combine",
    "ConsistencyInfo": "N4_VD13D_LATEST_20130810",
    "ConversionSoftware": "dcm2niix",
    "ConversionSoftwareVersion": "v1.0.20211006",
    "Dcm2bidsVersion": "2.1.6",
    "DeviceSerialNumber": "66040",
    "DwellTime": 1.5e-05,
    "EchoTime": 0.00303,
    "FlipAngle": 9,
    "ImageOrientationPatientDICOM": [
      -0.0664507,
      0.997738,
      0.010117,
      -0.035095,
      0.00779597,
      -0.999354
    ],
    "ImageOrientationText": "Sag>Cor(-3.8)>Tra(2.0)",
    "ImageType": [
      "ORIGINAL",
      "PRIMARY",
      "M",
      "ND",
      "NORM"
    ],
    "ImagingFrequency": 123.21,
    "InPlanePhaseEncodingDirectionDICOM": "ROW",
    "InstitutionAddress": "Magyar Tudosok Korutja 2,Budapest,,HU,1117",
    "InstitutionName": "RCNS",
    "InstitutionalDepartmentName": "BIC",
    "InversionTime": 0.9,
    "MRAcquisitionType": "3D",
    "MagneticFieldStrength": 3,
    "Manufacturer": "Siemens",
    "ManufacturersModelName": "Prisma",
    "MatrixCoilMode": "GRAPPA",
    "Modality": "MR",
    "ParallelReductionFactorInPlane": 2,
    "PartialFourier": 1,
    "PatientPosition": "HFS",
    "PercentPhaseFOV": 100,
    "PercentSampling": 100,
    "PhaseEncodingSteps": 255,
    "PhaseResolution": 1,
    "PixelBandwidth": 130,
    "ProcedureStepDescription": "head^GINOP",
    "ProtocolName": "MPRAGE_move2",
    "PulseSequenceDetails": "%SiemensSeq%\\tfl",
    "ReceiveCoilActiveElements": "HE1-4",
    "ReceiveCoilName": "HeadNeck_20",
    "ReconMatrixPE": 256,
    "RefLinesPE": 24,
    "RepetitionTime": 2.3,
    "SAR": 0.0623952,
    "ScanOptions": "IR",
    "ScanningSequence": "GR\\IR",
    "SequenceName": "*tfl3d1_16ns",
    "SequenceVariant": "SK\\SP\\MP",
    "SeriesDescription": "MPRAGE_move2",
    "SeriesNumber": 10,
    "ShimSetting": [
      5934,
      -1035,
      1144,
      123,
      66,
      -4,
      82,
      -21
    ],
    "SliceThickness": 1,
    "SoftwareVersions": "syngo MR D13D",
    "SpoilingState": true,
    "StationName": "AWP66040",
    "TxRefAmp": 256.787,
    "acq_id": "headmotion2",
    "dataset": "<unset>",
    "modality": "T1w",
    "subject_id": "000148"
  },
  "cjv": 0.6897958001148426,
  "cnr": 1.5602109098024746,
  "efc": 0.5816545752894569,
  "fber": 10967.017612456746,
  "fwhm_avg": 4.89575,
  "fwhm_x": 4.69163,
  "fwhm_y": 4.93216,
  "fwhm_z": 5.06346,
  "icvs_csf": 0.2628575269691675,
  "icvs_gm": 0.38026779443478265,
  "icvs_wm": 0.35687467859605,
  "inu_med": 0.5194862484931946,
  "inu_range": 0.2063575029373168,
  "provenance": {
    "md5sum": "8cbca06620f06ca6a743d0d3c4d2d543",
    "settings": {
      "testing": false
    },
    "software": "mriqc",
    "version": "23.1.0",
    "warnings": {
      "large_rot_frame": true,
      "small_air_mask": false
    }
  },
  "qi_1": 0.0,
  "qi_2": 0.0033815491174824805,
  "rpve_csf": 9.128284175297685,
  "rpve_gm": 9.029099031702174,
  "rpve_wm": 9.124226927911547,
  "size_x": 192,
  "size_y": 256,
  "size_z": 256,
  "snr_csf": 2.4959678189486976,
  "snr_gm": 6.458048147504905,
  "snr_total": 6.836820576109925,
  "snr_wm": 11.556445761876175,
  "snrd_csf": 28.473102405677324,
  "snrd_gm": 43.28400217779034,
  "snrd_total": 42.66832482257879,
  "snrd_wm": 56.24786988426868,
  "spacing_x": 1.0,
  "spacing_y": 1.0,
  "spacing_z": 1.0,
  "summary_bg_k": 12.225222191333806,
  "summary_bg_mad": 0.0,
  "summary_bg_mean": 5.563428785007401,
  "summary_bg_median": 0.0,
  "summary_bg_n": 3085436.0,
  "summary_bg_p05": 0.0,
  "summary_bg_p95": 27.949184104800224,
  "summary_bg_stdv": 10.86835719605497,
  "summary_csf_k": -0.027193936526369367,
  "summary_csf_mad": 131.57758723148038,
  "summary_csf_mean": 472.31747566622465,
  "summary_csf_median": 472.353310585022,
  "summary_csf_n": 358074.77489571134,
  "summary_csf_p05": 157.0175483636558,
  "summary_csf_p95": 770.2964528277516,
  "summary_csf_stdv": 189.2462905270762,
  "summary_gm_k": -0.7435234090590388,
  "summary_gm_mad": 82.83019891497759,
  "summary_gm_mean": 722.9915516716275,
  "summary_gm_median": 718.0580968223512,
  "summary_gm_n": 518015.6203337299,
  "summary_gm_p05": 546.581987850368,
  "summary_gm_p95": 922.3230754584074,
  "summary_gm_stdv": 111.18799168663216,
  "summary_wm_k": -0.21003478035845324,
  "summary_wm_mad": 65.51971879522591,
  "summary_wm_mean": 922.9493740466246,
  "summary_wm_median": 933.1216238625348,
  "summary_wm_n": 486148.6055875779,
  "summary_wm_p05": 773.7447287887335,
  "summary_wm_p95": 1040.411403104663,
  "summary_wm_stdv": 80.74460637647923,
  "tpm_overlap_csf": 0.20846764082023325,
  "tpm_overlap_gm": 0.5425677420859693,
  "tpm_overlap_wm": 0.5580651794942745,
  "wm2max": 0.5724438671367601
}