{
  "bids_meta": {
    "AcquisitionMatrixPE": 256,
    "AcquisitionNumber": 1,
    "AcquisitionTime": "15:27:35.635000",
    "BaseResolution": 256,
    "BodyPartExamined": "HEAD",
    "CoilCombinationMethod": "Adaptive Combine",
    "ConsistencyInfo": "N4_VD13D_LATEST_20130810",
    "ConversionSoftware": "dcm2niix",
    "ConversionSoftwareVersion": "v1.0.20211006",
    "Dcm2bidsVersion": "2.1.6",
    "DeviceSerialNumber": "66040",
    "DwellTime": 1.5e-05,
    "EchoTime": 0.00303,
    "FlipAngle": 9,
    "ImageOrientationPatientDICOM": [
      -0.0664486,
      0.997738,
      0.0101778,
      -0.0350993,
      0.0078567,
      -0.999353
    ],
    "ImageOrientationText": "Sag>Cor(-3.8)>Tra(2.0)",
    "ImageType": [
      "ORIGINAL",
      "PRIMARY",
      "M",
      "ND",
      "NORM"
    ],
    "ImagingFrequency": 123.21,
    "InPlanePhaseEncodingDirectionDICOM": "ROW",
    "InstitutionAddress": "Magyar Tudosok Korutja 2,Budapest,,HU,1117",
    "InstitutionName": "RCNS",
    "InstitutionalDepartmentName": "BIC",
    "InversionTime": 0.9,
    "MRAcquisitionType": "3D",
    "MagneticFieldStrength": 3,
    "Manufacturer": "Siemens",
    "ManufacturersModelName": "Prisma",
    "MatrixCoilMode": "GRAPPA",
    "Modality": "MR",
    "ParallelReductionFactorInPlane": 2,
    "PartialFourier": 1,
    "PatientPosition": "HFS",
    "PercentPhaseFOV": 100,
    "PercentSampling": 100,
    "PhaseEncodingSteps": 255,
    "PhaseResolution": 1,
    "PixelBandwidth": 130,
    "ProcedureStepDescription": "head^GINOP",
    "ProtocolName": "MPRAGE_conventional",
    "PulseSequenceDetails": "%SiemensSeq%\\tfl",
    "ReceiveCoilActiveElements": "HE1-4",
    "ReceiveCoilName": "HeadNeck_20",
    "ReconMatrixPE": 256,
    "RefLinesPE": 24,
    "RepetitionTime": 2.3,
    "SAR": 0.0623952,
    "ScanOptions": "IR",
    "ScanningSequence": "GR\\IR",
    "SequenceName": "*tfl3d1_16ns",
    "SequenceVariant": "SK\\SP\\MP",
    "SeriesDescription": "MPRAGE_conventional",
    "SeriesNumber": 5,
    "ShimSetting": [
      5934,
      -1035,
      1144,
      123,
      66,
      -4,
      82,
      -21
    ],
    "SliceThickness": 1,
    "SoftwareVersions": "syngo MR D13D",
    "SpoilingState": true,
    "StationName": "AWP66040",
    "TxRefAmp": 256.787,
    "acq_id": "standard",
    "dataset": "<unset>",
    "modality": "T1w",
    "subject_id": "000148"
  },
  "cjv": 0.5134849521492503,
  "cnr": 2.087505875258395,
  "efc": 0.5538145116769322,
  "fber": -1.0,
  "fwhm_avg": 4.948433333333334,
  "fwhm_x": 4.75728,
  "fwhm_y": 5.0278,
  "fwhm_z": 5.06022,
  "icvs_csf": 0.26604178928694777,
  "icvs_gm": 0.38911428920966207,
  "icvs_wm": 0.3448439215033902,
  "inu_med": 0.4225528836250305,
  "inu_range": 0.14243749380111698,
  "provenance": {
    "md5sum": "9e0b79764e15ff08854dc59add2c116a",
    "settings": {
      "testing": false
    },
    "software": "mriqc",
    "version": "23.1.0",
    "warnings": {
      "large_rot_frame": true,
      "small_air_mask": false
    }
  },
  "qi_1": 0.0,
  "qi_2": 0.0036749571380954955,
  "rpve_csf": 9.139038137813197,
  "rpve_gm": 9.074956105477897,
  "rpve_wm": 9.167593172593508,
  "size_x": 192,
  "size_y": 256,
  "size_z": 256,
  "snr_csf": 2.379505303215357,
  "snr_gm": 7.030327833028988,
  "snr_total": 7.709210846329447,
  "snr_wm": 13.717799402743994,
  "snrd_csf": 96.58422256016614,
  "snrd_gm": 151.14672315829142,
  "snrd_total": 151.20993272802974,
  "snrd_wm": 205.89885246563168,
  "spacing_x": 1.0,
  "spacing_y": 1.0,
  "spacing_z": 1.0,
  "summary_bg_k": 15.159020443933116,
  "summary_bg_mad": 0.0,
  "summary_bg_mean": 1.3205838205283367,
  "summary_bg_median": 0.0,
  "summary_bg_n": 3203459.0,
  "summary_bg_p05": 0.0,
  "summary_bg_p95": 8.462665557861328,
  "summary_bg_stdv": 3.0993429757879802,
  "summary_csf_k": -0.22779074999483706,
  "summary_csf_mad": 141.25087916449436,
  "summary_csf_mean": 460.8004645044298,
  "summary_csf_median": 456.92413330078125,
  "summary_csf_n": 362245.9591253763,
  "summary_csf_p05": 148.73957061767578,
  "summary_csf_p95": 762.0585479736328,
  "summary_csf_stdv": 192.02457838641965,
  "summary_gm_k": -0.6765500830640976,
  "summary_gm_mad": 79.93576118442665,
  "summary_gm_mean": 719.7469512223346,
  "summary_gm_median": 715.0503845214844,
  "summary_gm_n": 529823.0750963397,
  "summary_gm_p05": 556.0539436340332,
  "summary_gm_p95": 897.4911003112793,
  "summary_gm_stdv": 101.70929815828984,
  "summary_wm_k": -0.3518996653305684,
  "summary_wm_mad": 53.06883313242302,
  "summary_wm_mean": 955.9777606281187,
  "summary_wm_median": 974.0737380981445,
  "summary_wm_n": 469543.9668646078,
  "summary_wm_p05": 813.6419334411621,
  "summary_wm_p95": 1043.4496536254883,
  "summary_wm_stdv": 71.00794174375069,
  "tpm_overlap_csf": 0.20249724178158204,
  "tpm_overlap_gm": 0.5353830981860334,
  "tpm_overlap_wm": 0.5444593665398209,
  "wm2max": 0.6236526200915166
}