{
  "bids_meta": {
    "AcquisitionMatrixPE": 256,
    "AcquisitionNumber": 1,
    "AcquisitionTime": "15:37:46.322500",
    "BaseResolution": 256,
    "BodyPartExamined": "HEAD",
    "CoilCombinationMethod": "Adaptive Combine",
    "ConsistencyInfo": "N4_VD13D_LATEST_20130810",
    "ConversionSoftware": "dcm2niix",
    "ConversionSoftwareVersion": "v1.0.20211006",
    "Dcm2bidsVersion": "2.1.6",
    "DeviceSerialNumber": "66040",
    "DwellTime": 1.5e-05,
    "EchoTime": 0.00303,
    "FlipAngle": 9,
    "ImageOrientationPatientDICOM": [
      -0.0664507,
      0.997738,
      0.010117,
      -0.035095,
      0.00779597,
      -0.999354
    ],
    "ImageOrientationText": "Sag>Cor(-3.8)>Tra(2.0)",
    "ImageType": [
      "ORIGINAL",
      "PRIMARY",
      "M",
      "ND",
      "NORM"
    ],
    "ImagingFrequency": 123.21,
    "InPlanePhaseEncodingDirectionDICOM": "ROW",
    "InstitutionAddress": "Magyar Tudosok Korutja 2,Budapest,,HU,1117",
    "InstitutionName": "RCNS",
    "InstitutionalDepartmentName": "BIC",
    "InversionTime": 0.9,
    "MRAcquisitionType": "3D",
    "MagneticFieldStrength": 3,
    "Manufacturer": "Siemens",
    "ManufacturersModelName": "Prisma",
    "MatrixCoilMode": "GRAPPA",
    "Modality": "MR",
    "ParallelReductionFactorInPlane": 2,
    "PartialFourier": 1,
    "PatientPosition": "HFS",
    "PercentPhaseFOV": 100,
    "PercentSampling": 100,
    "PhaseEncodingSteps": 255,
    "PhaseResolution": 1,
    "PixelBandwidth": 130,
    "ProcedureStepDescription": "head^GINOP",
    "ProtocolName": "MPRAGE_move1",
    "PulseSequenceDetails": "%SiemensSeq%\\tfl",
    "ReceiveCoilActiveElements": "HE1-4",
    "ReceiveCoilName": "HeadNeck_20",
    "ReconMatrixPE": 256,
    "RefLinesPE": 24,
    "RepetitionTime": 2.3,
    "SAR": 0.0623952,
    "ScanOptions": "IR",
    "ScanningSequence": "GR\\IR",
    "SequenceName": "*tfl3d1_16ns",
    "SequenceVariant": "SK\\SP\\MP",
    "SeriesDescription": "MPRAGE_move1",
    "SeriesNumber": 8,
    "ShimSetting": [
      5934,
      -1035,
      1144,
      123,
      66,
      -4,
      82,
      -21
    ],
    "SliceThickness": 1,
    "SoftwareVersions": "syngo MR D13D",
    "SpoilingState": true,
    "StationName": "AWP66040",
    "TxRefAmp": 256.787,
    "acq_id": "headmotion1",
    "dataset": "<unset>",
    "modality": "T1w",
    "subject_id": "000148"
  },
  "cjv": 0.75791908364113,
  "cnr": 1.377677168770652,
  "efc": 0.5839161210618672,
  "fber": 8816.908719151248,
  "fwhm_avg": 4.8357866666666665,
  "fwhm_x": 4.61075,
  "fwhm_y": 4.87569,
  "fwhm_z": 5.02092,
  "icvs_csf": 0.2602453303665231,
  "icvs_gm": 0.3776654817291779,
  "icvs_wm": 0.362089187904299,
  "inu_med": 0.5972941815853119,
  "inu_range": 0.24898675382137303,
  "provenance": {
    "md5sum": "bf0d42e724db869f63c33f772eeb6d9f",
    "settings": {
      "testing": false
    },
    "software": "mriqc",
    "version": "23.1.0",
    "warnings": {
      "large_rot_frame": true,
      "small_air_mask": false
    }
  },
  "qi_1": 0.0,
  "qi_2": 0.000995994914113386,
  "rpve_csf": 9.108064047963163,
  "rpve_gm": 8.991924288942034,
  "rpve_wm": 9.087697638519803,
  "size_x": 192,
  "size_y": 256,
  "size_z": 256,
  "snr_csf": 2.532973596540531,
  "snr_gm": 6.171297712074486,
  "snr_total": 6.4412305586440715,
  "snr_wm": 10.619420367317197,
  "snrd_csf": 19.130239012475936,
  "snrd_gm": 28.960367809398992,
  "snrd_total": 28.38628693189573,
  "snrd_wm": 37.06825397381226,
  "spacing_x": 1.0,
  "spacing_y": 1.0,
  "spacing_z": 1.0,
  "summary_bg_k": 11.124061524286814,
  "summary_bg_mad": 0.0,
  "summary_bg_mean": 8.403649184832954,
  "summary_bg_median": 0.0,
  "summary_bg_n": 3133230.0,
  "summary_bg_p05": 0.0,
  "summary_bg_p95": 42.32771332189441,
  "summary_bg_stdv": 16.06577671371365,
  "summary_csf_k": -0.1118707919077595,
  "summary_csf_mad": 127.17393588398564,
  "summary_csf_mean": 468.12135189307077,
  "summary_csf_median": 469.1269611250609,
  "summary_csf_n": 355214.5769615045,
  "summary_csf_p05": 160.73933549411595,
  "summary_csf_p95": 761.4624716155231,
  "summary_csf_stdv": 185.2077342702099,
  "summary_gm_k": -0.6803546281361124,
  "summary_gm_mad": 82.53366623866219,
  "summary_gm_mean": 715.3716458061128,
  "summary_gm_median": 710.189210632816,
  "summary_gm_n": 515483.9248660331,
  "summary_gm_p05": 533.3977599982172,
  "summary_gm_p95": 917.1524039003998,
  "summary_gm_stdv": 115.07928395451769,
  "summary_wm_k": -0.014519349148552685,
  "summary_wm_mad": 68.16190240874957,
  "summary_wm_mean": 901.4018758272255,
  "summary_wm_median": 909.0172542855144,
  "summary_wm_n": 494223.4987371952,
  "summary_wm_p05": 747.9662272352725,
  "summary_wm_p95": 1031.2626825980842,
  "summary_wm_stdv": 85.59943040213375,
  "tpm_overlap_csf": 0.21345358919108867,
  "tpm_overlap_gm": 0.5448408708253494,
  "tpm_overlap_wm": 0.5589581073047245,
  "wm2max": 0.540358818154622
}