{
  "aor": 0.0002669072164948453,
  "aqi": 0.003091197628865979,
  "bids_meta": {
    "AccelNumReferenceLines": 24,
    "AccelerationFactorPE": 2,
    "AcquisitionMatrix": "64/0/0/64",
    "DeviceSerialNumber": "35343",
    "EPIFactor": 128,
    "EchoTime": 0.03,
    "EchoTrainLength": 1,
    "EffectiveEchoSpacing": 0.000395,
    "FlipAngle": 90,
    "ImageType": "ORIGINAL/PRIMARY/M/ND/MOSAIC",
    "ImagingFrequency": 123250038,
    "InPlanePhaseEncodingDirection": "COL",
    "MRAcquisitionType": "2D",
    "MagneticFieldStrength": 3,
    "ManufacturerModelName": "TrioTim",
    "NumberOfAverages": 1,
    "NumberOfPhaseEncodingSteps": 63,
    "PatientPosition": "HFS",
    "PercentPhaseFieldOfView": 100,
    "PercentSampling": 100,
    "PhaseEncodingDirection": "j-",
    "PixelBandwidth": 1420,
    "ProtocolName": "BOLD - SCAP",
    "ReceiveCoilName": "HeadMatrix",
    "RepetitionTime": 2,
    "ScanOptions": "FS",
    "ScanningSequence": "EP",
    "SequenceName": "*epfid2d1_64",
    "SequenceVariant": "SK",
    "SliceTiming": [
      1.005,
      0,
      1.0625,
      0.06,
      1.1225,
      0.1175,
      1.18,
      0.1775,
      1.24,
      0.2375,
      1.3,
      0.295,
      1.3575,
      0.355,
      1.4175,
      0.4125,
      1.475,
      0.4725,
      1.535,
      0.5325,
      1.595,
      0.59,
      1.6525,
      0.65,
      1.7125,
      0.7075,
      1.7725,
      0.7675,
      1.83,
      0.8275,
      1.89,
      0.885,
      1.9475,
      0.945
    ],
    "SoftwareVersions": "syngo MR B15",
    "TaskName": "scap",
    "TaskParameters": {
      "trigger_time": 8.2654
    },
    "TotalScanTimeSec": 590,
    "TransmitCoilName": "Body",
    "VariableFlipAngleFlag": "N",
    "dataset": "<unset>",
    "modality": "bold",
    "subject_id": "10492",
    "task_id": "scap"
  },
  "dummy_trs": 0,
  "dvars_nstd": 24.08545511827586,
  "dvars_std": 1.1886595353448275,
  "dvars_vstd": 0.9979422995172417,
  "efc": 0.5324645939456196,
  "fber": 1766.26220703125,
  "fd_mean": 0.06275168933447656,
  "fd_num": 0,
  "fd_perc": 0.0,
  "fwhm_avg": 2.2316744444444443,
  "fwhm_x": 2.24752,
  "fwhm_y": 2.3890333333333333,
  "fwhm_z": 2.05847,
  "gcor": 0.00365187,
  "gsr_x": 0.0046565649099648,
  "gsr_y": 0.027300886809825897,
  "provenance": {
    "md5sum": "bd504f79b6da25b171343d4a7bf3d2b3",
    "settings": {
      "fd_thres": 0.2,
      "testing": false
    },
    "software": "mriqc",
    "version": "23.1.0"
  },
  "size_t": 291,
  "size_x": 64,
  "size_y": 64,
  "size_z": 34,
  "snr": 3.865132399387813,
  "spacing_tr": 2.0,
  "spacing_x": 3.0,
  "spacing_y": 3.0,
  "spacing_z": 4.0,
  "summary_bg_k": 16.642962083075425,
  "summary_bg_mad": 9.66493548005351,
  "summary_bg_mean": 50.301283613947966,
  "summary_bg_median": 19.402061462402344,
  "summary_bg_n": 103867.0,
  "summary_bg_p05": 11.663229942321777,
  "summary_bg_p95": 219.91409301757812,
  "summary_bg_stdv": 79.40334396801093,
  "summary_fg_k": 0.6843235764242102,
  "summary_fg_mad": 184.8208812703566,
  "summary_fg_mean": 831.3925511646592,
  "summary_fg_median": 815.408935546875,
  "summary_fg_n": 35397.0,
  "summary_fg_p05": 498.405517578125,
  "summary_fg_p95": 1214.16845703125,
  "summary_fg_stdv": 210.96235087398463,
  "tsnr": 74.0504642939195
}