{
  "aor": 0.0016916455696202532,
  "aqi": 0.004731985696202532,
  "bids_meta": {
    "AccelNumReferenceLines": 24,
    "AccelerationFactorPE": 2,
    "AcquisitionMatrix": "64/0/0/64",
    "DeviceSerialNumber": "35343",
    "EPIFactor": 128,
    "EchoTime": 0.03,
    "EchoTrainLength": 1,
    "EffectiveEchoSpacing": 0.000395,
    "FlipAngle": 90,
    "ImageType": "ORIGINAL/PRIMARY/M/ND/MOSAIC",
    "ImagingFrequency": 123250038,
    "InPlanePhaseEncodingDirection": "COL",
    "MRAcquisitionType": "2D",
    "MagneticFieldStrength": 3,
    "ManufacturerModelName": "TrioTim",
    "NumberOfAverages": 1,
    "NumberOfPhaseEncodingSteps": 63,
    "PatientPosition": "HFS",
    "PercentPhaseFieldOfView": 100,
    "PercentSampling": 100,
    "PhaseEncodingDirection": "j-",
    "PixelBandwidth": 1420,
    "ProtocolName": "BOLD - BHT",
    "ReceiveCoilName": "HeadMatrix",
    "RepetitionTime": 2,
    "ScanOptions": "FS",
    "ScanningSequence": "EP",
    "SequenceName": "*epfid2d1_64",
    "SequenceVariant": "SK",
    "SliceTiming": [
      1.005,
      0,
      1.0625,
      0.06,
      1.1225,
      0.1175,
      1.18,
      0.1775,
      1.24,
      0.235,
      1.3,
      0.295,
      1.3575,
      0.355,
      1.4175,
      0.4125,
      1.475,
      0.4725,
      1.535,
      0.5325,
      1.595,
      0.59,
      1.6525,
      0.65,
      1.7125,
      0.7075,
      1.7725,
      0.7675,
      1.83,
      0.8275,
      1.89,
      0.885,
      1.9475,
      0.945
    ],
    "SoftwareVersions": "syngo MR B15",
    "TaskName": "bht",
    "TaskParameters": {
      "trigger_time": 10.317
    },
    "TotalScanTimeSec": 166,
    "TransmitCoilName": "Body",
    "VariableFlipAngleFlag": "N",
    "dataset": "<unset>",
    "modality": "bold",
    "subject_id": "10492",
    "task_id": "bht"
  },
  "dummy_trs": 0,
  "dvars_nstd": 25.839468858205127,
  "dvars_std": 1.1917707947435896,
  "dvars_vstd": 1.0086421692307694,
  "efc": 0.5336930846804897,
  "fber": 1710.210205078125,
  "fd_mean": 0.12230274075160612,
  "fd_num": 11,
  "fd_perc": 13.924050632911392,
  "fwhm_avg": 2.2380380555555557,
  "fwhm_x": 2.2496566666666666,
  "fwhm_y": 2.39567,
  "fwhm_z": 2.0687875,
  "gcor": 0.0406854,
  "gsr_x": 0.003421416971832514,
  "gsr_y": 0.030049558728933334,
  "provenance": {
    "md5sum": "6b71184c2a2d820235e4b1878b255547",
    "settings": {
      "fd_thres": 0.2,
      "testing": false
    },
    "software": "mriqc",
    "version": "23.1.0"
  },
  "size_t": 79,
  "size_x": 64,
  "size_y": 64,
  "size_z": 34,
  "snr": 3.9068310784831652,
  "spacing_tr": 2.0,
  "spacing_x": 3.0,
  "spacing_y": 3.0,
  "spacing_z": 4.0,
  "summary_bg_k": 15.753432604961354,
  "summary_bg_mad": 10.359448573928724,
  "summary_bg_mean": 51.42585253901738,
  "summary_bg_median": 19.860759735107422,
  "summary_bg_n": 103952.0,
  "summary_bg_p05": 11.544303894042969,
  "summary_bg_p95": 224.46835327148438,
  "summary_bg_stdv": 80.1936984490346,
  "summary_fg_k": 0.6920091315160182,
  "summary_fg_mad": 185.34409941167735,
  "summary_fg_mean": 838.0621814619755,
  "summary_fg_median": 821.3354797363281,
  "summary_fg_n": 35312.0,
  "summary_fg_p05": 509.1139221191406,
  "summary_fg_p95": 1217.253173828125,
  "summary_fg_stdv": 210.22763294882137,
  "tsnr": 63.408463382860646
}