{
  "aor": 0.0005894078947368421,
  "aqi": 0.0031358267763157894,
  "bids_meta": {
    "AccelNumReferenceLines": 24,
    "AccelerationFactorPE": 2,
    "AcquisitionMatrix": "64/0/0/64",
    "DeviceSerialNumber": "35343",
    "EPIFactor": 128,
    "EchoTime": 0.03,
    "EchoTrainLength": 1,
    "EffectiveEchoSpacing": 0.000395,
    "FlipAngle": 90,
    "ImageType": "ORIGINAL/PRIMARY/M/ND/MOSAIC",
    "ImagingFrequency": 123250038,
    "InPlanePhaseEncodingDirection": "COL",
    "MRAcquisitionType": "2D",
    "MagneticFieldStrength": 3,
    "ManufacturerModelName": "TrioTim",
    "NumberOfAverages": 1,
    "NumberOfPhaseEncodingSteps": 63,
    "PatientPosition": "HFS",
    "PercentPhaseFieldOfView": 100,
    "PercentSampling": 100,
    "PhaseEncodingDirection": "j-",
    "PixelBandwidth": 1420,
    "ProtocolName": "BOLD - RESTING",
    "ReceiveCoilName": "HeadMatrix",
    "RepetitionTime": 2,
    "ScanOptions": "FS",
    "ScanningSequence": "EP",
    "SequenceName": "*epfid2d1_64",
    "SequenceVariant": "SK",
    "SliceTiming": [
      1.0025,
      0,
      1.0625,
      0.0575,
      1.12,
      0.1175,
      1.18,
      0.175,
      1.24,
      0.235,
      1.2975,
      0.295,
      1.3575,
      0.3525,
      1.415,
      0.4125,
      1.475,
      0.4725,
      1.535,
      0.53,
      1.5925,
      0.59,
      1.6525,
      0.6475,
      1.7125,
      0.7075,
      1.77,
      0.7675,
      1.83,
      0.825,
      1.8875,
      0.885,
      1.9475,
      0.945
    ],
    "SoftwareVersions": "syngo MR B15",
    "TaskName": "rest",
    "TotalScanTimeSec": 312,
    "TransmitCoilName": "Body",
    "VariableFlipAngleFlag": "N",
    "dataset": "<unset>",
    "modality": "bold",
    "subject_id": "10492",
    "task_id": "rest"
  },
  "dummy_trs": 0,
  "dvars_nstd": 24.4115810523179,
  "dvars_std": 1.2091046337748341,
  "dvars_vstd": 1.0018397930463576,
  "efc": 0.5327672287523438,
  "fber": 1750.093505859375,
  "fd_mean": 0.07278756566844424,
  "fd_num": 0,
  "fd_perc": 0.0,
  "fwhm_avg": 2.2376175000000003,
  "fwhm_x": 2.2588733333333333,
  "fwhm_y": 2.3916866666666667,
  "fwhm_z": 2.0622925,
  "gcor": 0.0145206,
  "gsr_x": 0.004319534171372652,
  "gsr_y": 0.028886988759040833,
  "provenance": {
    "md5sum": "4b2dcaea600baf44cea66997b838683c",
    "settings": {
      "fd_thres": 0.2,
      "testing": false
    },
    "software": "mriqc",
    "version": "23.1.0"
  },
  "size_t": 152,
  "size_x": 64,
  "size_y": 64,
  "size_z": 34,
  "snr": 3.8769568889219173,
  "spacing_tr": 2.0,
  "spacing_x": 3.0,
  "spacing_y": 3.0,
  "spacing_z": 4.0,
  "summary_bg_k": 15.053552275229258,
  "summary_bg_mad": 9.744209713475746,
  "summary_bg_mean": 50.72406823632525,
  "summary_bg_median": 19.513158798217773,
  "summary_bg_n": 103965.0,
  "summary_bg_p05": 11.9078950881958,
  "summary_bg_p95": 222.79605102539062,
  "summary_bg_stdv": 79.34968841702818,
  "summary_fg_k": 0.6966169669761073,
  "summary_fg_mad": 184.95462675857385,
  "summary_fg_mean": 832.3467023743526,
  "summary_fg_median": 816.3157958984375,
  "summary_fg_n": 35299.0,
  "summary_fg_p05": 500.0855407714844,
  "summary_fg_p95": 1211.5263671875,
  "summary_fg_stdv": 210.55282695425922,
  "tsnr": 76.61774632520974
}