{
  "aor": 0.0008061956521739131,
  "aqi": 0.0030286862500000004,
  "bids_meta": {
    "AccelNumReferenceLines": 24,
    "AccelerationFactorPE": 2,
    "AcquisitionMatrix": "64/0/0/64",
    "DeviceSerialNumber": "35343",
    "EPIFactor": 128,
    "EchoTime": 0.03,
    "EchoTrainLength": 1,
    "EffectiveEchoSpacing": 0.000395,
    "FlipAngle": 90,
    "ImageType": "ORIGINAL/PRIMARY/M/ND/MOSAIC",
    "ImagingFrequency": 123250038,
    "InPlanePhaseEncodingDirection": "COL",
    "MRAcquisitionType": "2D",
    "MagneticFieldStrength": 3,
    "ManufacturerModelName": "TrioTim",
    "NumberOfAverages": 1,
    "NumberOfPhaseEncodingSteps": 63,
    "PatientPosition": "HFS",
    "PercentPhaseFieldOfView": 100,
    "PercentSampling": 100,
    "PhaseEncodingDirection": "j-",
    "PixelBandwidth": 1420,
    "ProtocolName": "BOLD - STOPSIGNAL",
    "ReceiveCoilName": "HeadMatrix",
    "RepetitionTime": 2,
    "ScanOptions": "FS",
    "ScanningSequence": "EP",
    "SequenceName": "*epfid2d1_64",
    "SequenceVariant": "SK",
    "SliceTiming": [
      1.005,
      0,
      1.0625,
      0.06,
      1.1225,
      0.1175,
      1.1825,
      0.1775,
      1.24,
      0.2375,
      1.3,
      0.295,
      1.3575,
      0.355,
      1.4175,
      0.415,
      1.4775,
      0.4725,
      1.535,
      0.5325,
      1.595,
      0.59,
      1.655,
      0.65,
      1.7125,
      0.71,
      1.7725,
      0.7675,
      1.83,
      0.8275,
      1.89,
      0.885,
      1.95,
      0.945
    ],
    "SoftwareVersions": "syngo MR B15",
    "TaskName": "stopsignal",
    "TaskParameters": {
      "Ladder1": [
        250,
        200,
        250,
        200,
        250,
        300,
        250,
        300,
        250,
        300,
        350,
        300,
        250,
        300,
        250,
        300,
        350,
        300,
        250,
        300,
        250,
        200,
        150,
        200,
        150,
        200,
        150,
        200,
        150,
        100,
        50,
        100,
        50
      ],
      "Ladder2": [
        350,
        300,
        250,
        300,
        250,
        200,
        250,
        200,
        150,
        100,
        150,
        200,
        150,
        200,
        250,
        200,
        250,
        200,
        150,
        200,
        150,
        100,
        50,
        100,
        150,
        100,
        150,
        100,
        150,
        100,
        150,
        200,
        150
      ],
      "Settings": {
        "BSI": 1,
        "ISI": 1.5,
        "Ladder1 start": 250,
        "Ladder2 start": 350,
        "NUMCHUNKS": 4,
        "OCI": 0.5,
        "Step": 50,
        "trigger_time": 10.33
      }
    },
    "TotalScanTimeSec": 376,
    "TransmitCoilName": "Body",
    "VariableFlipAngleFlag": "N",
    "dataset": "<unset>",
    "modality": "bold",
    "subject_id": "10492",
    "task_id": "stopsignal"
  },
  "dummy_trs": 0,
  "dvars_nstd": 24.09136488655738,
  "dvars_std": 1.1953066277595623,
  "dvars_vstd": 1.0046255291256834,
  "efc": 0.5324185276143898,
  "fber": 1761.9932861328125,
  "fd_mean": 0.049798635281160665,
  "fd_num": 0,
  "fd_perc": 0.0,
  "fwhm_avg": 2.234411111111111,
  "fwhm_x": 2.25854,
  "fwhm_y": 2.3867833333333333,
  "fwhm_z": 2.05791,
  "gcor": 0.010337,
  "gsr_x": 0.004541379399597645,
  "gsr_y": 0.02851034328341484,
  "provenance": {
    "md5sum": "bd9283b338507cc5ed583335d3e915e1",
    "settings": {
      "fd_thres": 0.2,
      "testing": false
    },
    "software": "mriqc",
    "version": "23.1.0"
  },
  "size_t": 184,
  "size_x": 64,
  "size_y": 64,
  "size_z": 34,
  "snr": 3.8823219410160963,
  "spacing_tr": 2.0,
  "spacing_x": 3.0,
  "spacing_y": 3.0,
  "spacing_z": 4.0,
  "summary_bg_k": 16.321357546067723,
  "summary_bg_mad": 9.661086790746515,
  "summary_bg_mean": 50.584936170628495,
  "summary_bg_median": 19.44565200805664,
  "summary_bg_n": 103974.0,
  "summary_bg_p05": 11.75,
  "summary_bg_p95": 222.4021759033203,
  "summary_bg_stdv": 79.77662394580558,
  "summary_fg_k": 0.6893240007431545,
  "summary_fg_mad": 184.47122459480084,
  "summary_fg_mean": 832.156856224901,
  "summary_fg_median": 816.2527160644531,
  "summary_fg_n": 35290.0,
  "summary_fg_p05": 499.9239196777344,
  "summary_fg_p95": 1212.603271484375,
  "summary_fg_stdv": 210.24561163505888,
  "tsnr": 75.00265649764333
}