{
  "aor": 0.0003845673076923077,
  "aqi": 0.0031603419230769227,
  "bids_meta": {
    "AccelNumReferenceLines": 24,
    "AccelerationFactorPE": 2,
    "AcquisitionMatrix": "64/0/0/64",
    "DeviceSerialNumber": "35343",
    "EPIFactor": 128,
    "EchoTime": 0.03,
    "EchoTrainLength": 1,
    "EffectiveEchoSpacing": 0.000395,
    "FlipAngle": 90,
    "ImageType": "ORIGINAL/PRIMARY/M/ND/MOSAIC",
    "ImagingFrequency": 123250036,
    "InPlanePhaseEncodingDirection": "COL",
    "MRAcquisitionType": "2D",
    "MagneticFieldStrength": 3,
    "ManufacturerModelName": "TrioTim",
    "NumberOfAverages": 1,
    "NumberOfPhaseEncodingSteps": 63,
    "PatientPosition": "HFS",
    "PercentPhaseFieldOfView": 100,
    "PercentSampling": 100,
    "PhaseEncodingDirection": "j-",
    "PixelBandwidth": 1420,
    "ProtocolName": "BOLD - TASKSWITCH",
    "ReceiveCoilName": "HeadMatrix",
    "RepetitionTime": 2,
    "ScanOptions": "FS",
    "ScanningSequence": "EP",
    "SequenceName": "*epfid2d1_64",
    "SequenceVariant": "SK",
    "SliceTiming": [
      1.005,
      0,
      1.0625,
      0.06,
      1.1225,
      0.1175,
      1.18,
      0.1775,
      1.24,
      0.2375,
      1.3,
      0.295,
      1.3575,
      0.355,
      1.4175,
      0.4125,
      1.4775,
      0.4725,
      1.535,
      0.5325,
      1.595,
      0.59,
      1.6525,
      0.65,
      1.7125,
      0.71,
      1.7725,
      0.7675,
      1.83,
      0.8275,
      1.89,
      0.885,
      1.95,
      0.945
    ],
    "SoftwareVersions": "syngo MR B15",
    "TaskName": "taskswitch",
    "TaskParameters": {
      "button_set": 4,
      "left_color": "green",
      "left_shape": "circle",
      "right_color": "red",
      "right_shape": "triangle",
      "trigger_time": 8.3195
    },
    "TotalScanTimeSec": 424,
    "TransmitCoilName": "Body",
    "VariableFlipAngleFlag": "N",
    "dataset": "<unset>",
    "modality": "bold",
    "subject_id": "10492",
    "task_id": "taskswitch"
  },
  "dummy_trs": 0,
  "dvars_nstd": 24.810734596956536,
  "dvars_std": 1.2138105219323672,
  "dvars_vstd": 0.9945051428019324,
  "efc": 0.5310779089989484,
  "fber": 1813.496337890625,
  "fd_mean": 0.06022383649400012,
  "fd_num": 0,
  "fd_perc": 0.0,
  "fwhm_avg": 2.221362222222222,
  "fwhm_x": 2.2383166666666665,
  "fwhm_y": 2.37264,
  "fwhm_z": 2.05313,
  "gcor": 0.0235511,
  "gsr_x": 0.0056580123491585255,
  "gsr_y": 0.026404906064271927,
  "provenance": {
    "md5sum": "4197ff8021a6fb1e3af840c251fa4bb6",
    "settings": {
      "fd_thres": 0.2,
      "testing": false
    },
    "software": "mriqc",
    "version": "23.1.0"
  },
  "size_t": 208,
  "size_x": 64,
  "size_y": 64,
  "size_z": 34,
  "snr": 3.878692337026775,
  "spacing_tr": 2.0,
  "spacing_x": 3.0,
  "spacing_y": 3.0,
  "spacing_z": 4.0,
  "summary_bg_k": 16.643862169992957,
  "summary_bg_mad": 9.480099418941714,
  "summary_bg_mean": 49.83513052547414,
  "summary_bg_median": 19.25,
  "summary_bg_n": 103896.0,
  "summary_bg_p05": 11.701923370361328,
  "summary_bg_p95": 220.41346740722656,
  "summary_bg_stdv": 79.6590032367662,
  "summary_fg_k": 0.6645051739453893,
  "summary_fg_mad": 186.45148128722437,
  "summary_fg_mean": 835.2294126759016,
  "summary_fg_median": 819.7644348144531,
  "summary_fg_n": 35368.0,
  "summary_fg_p05": 499.36541748046875,
  "summary_fg_p95": 1215.5240478515625,
  "summary_fg_stdv": 211.3477364103623,
  "tsnr": 73.44154356746003
}