{
  "aor": 0.000992434456928839,
  "aqi": 0.0027343659925093628,
  "bids_meta": {
    "AccelNumReferenceLines": 24,
    "AccelerationFactorPE": 2,
    "AcquisitionMatrix": "64/0/0/64",
    "DeviceSerialNumber": "35343",
    "EPIFactor": 128,
    "EchoTime": 0.03,
    "EchoTrainLength": 1,
    "EffectiveEchoSpacing": 0.000395,
    "FlipAngle": 90,
    "ImageType": "ORIGINAL/PRIMARY/M/ND/MOSAIC",
    "ImagingFrequency": 123249577,
    "InPlanePhaseEncodingDirection": "COL",
    "MRAcquisitionType": "2D",
    "MagneticFieldStrength": 3,
    "ManufacturerModelName": "TrioTim",
    "NumberOfAverages": 1,
    "NumberOfPhaseEncodingSteps": 63,
    "PatientPosition": "HFS",
    "PercentPhaseFieldOfView": 100,
    "PercentSampling": 100,
    "PhaseEncodingDirection": "j-",
    "PixelBandwidth": 1420,
    "ProtocolName": "BOLD - BART",
    "ReceiveCoilName": "HeadMatrix",
    "RepetitionTime": 2,
    "ScanOptions": "FS",
    "ScanningSequence": "EP",
    "SequenceName": "*epfid2d1_64",
    "SequenceVariant": "SK",
    "SliceTiming": [
      1.0025,
      0,
      1.0625,
      0.0575,
      1.1225,
      0.1175,
      1.18,
      0.1775,
      1.24,
      0.235,
      1.2975,
      0.295,
      1.3575,
      0.355,
      1.4175,
      0.4125,
      1.475,
      0.4725,
      1.535,
      0.53,
      1.5925,
      0.59,
      1.6525,
      0.65,
      1.7125,
      0.7075,
      1.77,
      0.7675,
      1.83,
      0.825,
      1.89,
      0.885,
      1.9475,
      0.945
    ],
    "SoftwareVersions": "syngo MR B15",
    "TaskName": "bart",
    "TaskParameters": {
      "ISI": 3,
      "ITI": 2,
      "max_iti": 12,
      "mean_iti": 4,
      "min_iti": 1,
      "trigger_time": 10.313
    },
    "TotalScanTimeSec": 542,
    "TransmitCoilName": "Body",
    "VariableFlipAngleFlag": "N",
    "dataset": "<unset>",
    "modality": "bold",
    "subject_id": "10492",
    "task_id": "bart"
  },
  "dummy_trs": 0,
  "dvars_nstd": 23.166755827030062,
  "dvars_std": 1.1578672756015032,
  "dvars_vstd": 1.008837030225564,
  "efc": 0.5280454298012908,
  "fber": 1632.423095703125,
  "fd_mean": 0.07266690353294745,
  "fd_num": 4,
  "fd_perc": 1.4981273408239701,
  "fwhm_avg": 2.41675032257082,
  "fwhm_x": 2.4207633333333334,
  "fwhm_y": 2.57498,
  "fwhm_z": 2.2545076343791264,
  "gcor": 0.0122454,
  "gsr_x": 0.007139434572309256,
  "gsr_y": 0.030091824010014534,
  "provenance": {
    "md5sum": "0d39c4cc83b18bc2df814261a94c60ae",
    "settings": {
      "fd_thres": 0.2,
      "testing": false
    },
    "software": "mriqc",
    "version": "23.1.0"
  },
  "size_t": 267,
  "size_x": 64,
  "size_y": 64,
  "size_z": 34,
  "snr": 3.533676844826226,
  "spacing_tr": 2.0,
  "spacing_x": 3.0,
  "spacing_y": 3.0,
  "spacing_z": 3.999999761581421,
  "summary_bg_k": 15.735523201089446,
  "summary_bg_mad": 9.06219849720981,
  "summary_bg_mean": 45.48307210796325,
  "summary_bg_median": 18.408239364624023,
  "summary_bg_n": 104025.0,
  "summary_bg_p05": 11.258426666259766,
  "summary_bg_p95": 197.29962158203125,
  "summary_bg_stdv": 70.31970280398598,
  "summary_fg_k": 1.0552560403183815,
  "summary_fg_mad": 176.51291559158466,
  "summary_fg_mean": 769.1618258337343,
  "summary_fg_median": 743.7528076171875,
  "summary_fg_n": 35239.0,
  "summary_fg_p05": 458.3445739746094,
  "summary_fg_p95": 1163.3109130859375,
  "summary_fg_stdv": 210.47262871615288,
  "tsnr": 74.43576371273957
}