{
  "bids_meta": {
    "AcquisitionDuration": 449,
    "AcquisitionMatrix": "256x256",
    "EchoTime": 0.0039,
    "FieldofViewDimensions": "256x256",
    "FieldofViewShape": "Rectangle",
    "FlipAngle": 8,
    "InversionTime": 1.06,
    "MagneticFieldStrength": 3,
    "Manufacturer": "Philips",
    "ManufacturersModelName": "Achieva",
    "NumberOfSlices": 160.0,
    "ParallelAcquisition": "Yes",
    "ParallelAcquisitionTechnique": "SENSE",
    "ParallelReductionFactorIn-plane": 1.0,
    "ParallelReductionFactorout-of-plane": 1.5,
    "PhaseEncodingDirection": "j-",
    "PixelBandwidth": 178.7,
    "PixelSpacing": "1x1",
    "PlaneOrientationSequence": "Saggital",
    "ReceiveCoilType": "Head",
    "RepetitionTime": 3.0,
    "ScanningSequence": "MPRAGE",
    "SliceThickness": 1.0,
    "SpacingBetweenSlices": 1.0,
    "dataset": "<unset>",
    "modality": "T1w",
    "run_id": 1,
    "session_id": "01",
    "subject_id": "207"
  },
  "cjv": 0.5331939694744632,
  "cnr": 2.0392729222040296,
  "efc": 0.7434031042643433,
  "fber": -1.0,
  "fwhm_avg": 4.709219999999999,
  "fwhm_x": 4.65009,
  "fwhm_y": 5.00742,
  "fwhm_z": 4.47015,
  "icvs_csf": 0.25978603791128957,
  "icvs_gm": 0.3935515297834509,
  "icvs_wm": 0.3466624323052596,
  "inu_med": 0.5203161239624023,
  "inu_range": 0.24194473028182983,
  "provenance": {
    "md5sum": "5a69f4083c5dcc1eea289f43d9984b0c",
    "settings": {
      "testing": false
    },
    "software": "mriqc",
    "version": "23.1.0",
    "warnings": {
      "large_rot_frame": true,
      "small_air_mask": false
    }
  },
  "qi_1": 0.0,
  "qi_2": 0.0010387641207265895,
  "rpve_csf": 5.900892796504707,
  "rpve_gm": 5.831444007002449,
  "rpve_wm": 5.942993520797014,
  "size_x": 160,
  "size_y": 256,
  "size_z": 256,
  "snr_csf": 2.5657934373748854,
  "snr_gm": 6.597277347590642,
  "snr_total": 6.5202424810802855,
  "snr_wm": 10.397656658275329,
  "snrd_csf": 17.138228694043576,
  "snrd_gm": 23.907355951716685,
  "snrd_total": 24.996197338077817,
  "snrd_wm": 33.94300736847319,
  "spacing_x": 1.0,
  "spacing_y": 1.0,
  "spacing_z": 1.0,
  "summary_bg_k": 811.6441964262877,
  "summary_bg_mad": 0.0,
  "summary_bg_mean": 1.3033530419404822,
  "summary_bg_median": 0.0,
  "summary_bg_n": 3073152.0,
  "summary_bg_p05": 0.0,
  "summary_bg_p95": 0.0,
  "summary_bg_stdv": 18.589216055059023,
  "summary_csf_k": -0.43996775326676785,
  "summary_csf_mad": 135.56191579533416,
  "summary_csf_mean": 474.13342594684707,
  "summary_csf_median": 486.28993289731443,
  "summary_csf_n": 451996.7915833888,
  "summary_csf_p05": 153.1825017761439,
  "summary_csf_p95": 759.2920638490468,
  "summary_csf_stdv": 189.52788165963554,
  "summary_gm_k": -0.6579776827325965,
  "summary_gm_mad": 80.64929254984675,
  "summary_gm_mean": 682.9907640928141,
  "summary_gm_median": 678.3610330484807,
  "summary_gm_n": 684732.8294278742,
  "summary_gm_p05": 519.5746112652123,
  "summary_gm_p95": 860.1104944888502,
  "summary_gm_stdv": 102.82431705691461,
  "summary_wm_k": -0.626267288999296,
  "summary_wm_mad": 71.18159888683168,
  "summary_wm_mean": 938.2978819132968,
  "summary_wm_median": 963.1183636430651,
  "summary_wm_n": 603151.3795902183,
  "summary_wm_p05": 753.8705970514566,
  "summary_wm_p95": 1051.3475228250027,
  "summary_wm_stdv": 92.62832933332443,
  "tpm_overlap_csf": 0.22860971622874396,
  "tpm_overlap_gm": 0.5350951613859227,
  "tpm_overlap_wm": 0.5364761422415583,
  "wm2max": 0.7258387679735995
}