{
  "bids_meta": {
    "AccelNumReferenceLines": 32,
    "AccelerationFactorPE": 2,
    "AcquisitionMatrix": "0/256/256/0",
    "DeviceSerialNumber": "35426",
    "EchoTime": 0.00331,
    "EchoTrainLength": 1,
    "FlipAngle": 7,
    "ImageType": "ORIGINAL/PRIMARY/M/ND/NORM",
    "ImagingFrequency": 123191596,
    "InPlanePhaseEncodingDirection": "ROW",
    "InversionTime": 1.1,
    "MRAcquisitionType": "3D",
    "MagneticFieldStrength": 3,
    "ManufacturerModelName": "TrioTim",
    "NumberOfAverages": 1,
    "NumberOfPhaseEncodingSteps": 255,
    "PatientPosition": "HFS",
    "PercentPhaseFieldOfView": 100,
    "PercentSampling": 100,
    "PhaseEncodingDirection": "i-",
    "PixelBandwidth": 199,
    "ProtocolName": "MPRAGE - BWM",
    "ReceiveCoilName": "HeadMatrix",
    "RepetitionTime": 2.53,
    "ScanOptions": "IR",
    "ScanningSequence": "GR/IR",
    "SequenceName": "tfl3d1_ns",
    "SequenceVariant": "SP/MP",
    "SoftwareVersions": "syngo MR B17",
    "TotalScanTimeSec": 363,
    "TransmitCoilName": "Body",
    "VariableFlipAngleFlag": "N",
    "dataset": "<unset>",
    "modality": "T1w",
    "subject_id": "028"
  },
  "cjv": 0.5559268256961508,
  "cnr": 1.8915683222634923,
  "efc": 0.5282204411324338,
  "fber": 12026.777777777777,
  "fwhm_avg": 3.706608263014045,
  "fwhm_x": 3.7529047890421356,
  "fwhm_y": 3.92818,
  "fwhm_z": 3.43874,
  "icvs_csf": 0.26725386719179656,
  "icvs_gm": 0.38366626619035404,
  "icvs_wm": 0.34907986661784945,
  "inu_med": 0.5985480546951294,
  "inu_range": 0.25570962727069846,
  "provenance": {
    "md5sum": "fb15579216119b21af33ad97034bcf0a",
    "settings": {
      "testing": false
    },
    "software": "mriqc",
    "version": "23.1.0",
    "warnings": {
      "large_rot_frame": true,
      "small_air_mask": false
    }
  },
  "qi_1": 0.0,
  "qi_2": 0.00028519341785971123,
  "rpve_csf": 6.6756353225945775,
  "rpve_gm": 6.602825234917869,
  "rpve_wm": 6.709299616116455,
  "size_x": 176,
  "size_y": 256,
  "size_z": 256,
  "snr_csf": 1.9987231989769136,
  "snr_gm": 5.244992491602548,
  "snr_total": 6.112971328671526,
  "snr_wm": 11.095198295435116,
  "snrd_csf": 44.10102793669722,
  "snrd_gm": 72.99228148001187,
  "snrd_total": 74.00551589555918,
  "snrd_wm": 104.92323826996846,
  "spacing_x": 1.0000040531158447,
  "spacing_y": 1.0,
  "spacing_z": 1.0,
  "summary_bg_k": 899.8000421324045,
  "summary_bg_mad": 5.998725398556338,
  "summary_bg_mean": 6.87879152705266,
  "summary_bg_median": 4.046078795567155,
  "summary_bg_n": 4125480.0,
  "summary_bg_p05": 0.0,
  "summary_bg_p95": 26.183541759848595,
  "summary_bg_stdv": 12.48444459756658,
  "summary_csf_k": -0.844793300277221,
  "summary_csf_mad": 152.29884992767873,
  "summary_csf_mean": 404.5884024198525,
  "summary_csf_median": 403.8089722786099,
  "summary_csf_n": 453930.69370492286,
  "summary_csf_p05": 88.67870786972344,
  "summary_csf_p95": 722.1606370024383,
  "summary_csf_stdv": 202.03324186842084,
  "summary_gm_k": -0.6370204306861984,
  "summary_gm_mad": 93.30501543486992,
  "summary_gm_mean": 673.834676255724,
  "summary_gm_median": 668.3503661416471,
  "summary_gm_n": 651657.1535257876,
  "summary_gm_p05": 470.11827636137605,
  "summary_gm_p95": 909.079168876633,
  "summary_gm_stdv": 127.42627456630832,
  "summary_wm_k": -0.43575254772659333,
  "summary_wm_mad": 69.23369695658653,
  "summary_wm_mean": 945.0482362744899,
  "summary_wm_median": 960.7246587257832,
  "summary_wm_n": 592912.1538156971,
  "summary_wm_p05": 773.8061268515885,
  "summary_wm_p95": 1060.5365260839462,
  "summary_wm_stdv": 86.58915532372005,
  "tpm_overlap_csf": 0.22201821473140101,
  "tpm_overlap_gm": 0.5282917885192534,
  "tpm_overlap_wm": 0.5502594555597745,
  "wm2max": 0.7430560985029988
}