{
  "aor": 0.008244533333333331,
  "aqi": 0.008236729666666668,
  "bids_meta": {
    "AcquisitionDuration": 306,
    "AcquisitionMatrix": "80x80",
    "EchoTime": 0.027999999999999997,
    "FieldofViewDimensions": "240x240",
    "FieldofViewShape": "Rectangular",
    "FlipAngle": 90,
    "Instructions": "particpants were instructed to keep their eyes closed and to rest for five minutes.",
    "MagneicFieldStrength": 3,
    "Manufacturer": "Philips",
    "ManufacturersModelName": "Achieva",
    "NumberOfSlices": 38.0,
    "NumberofMeasurements": 150.0,
    "ParallelAcquisition": "Yes",
    "ParallelAcquisitionTechnique": "SENSE",
    "ParallelReductionFactorIn-plane": 2.0,
    "PhaseEncodingDirection": "j-",
    "PixelBandwidth": 2419.2,
    "PixelSpacing": "3x3",
    "PlaneOrientationSequentialuence": "Axial",
    "PulseSequenceType": "EPI",
    "ReceiveCoilType": "Head",
    "RepetitionTime": 2.0,
    "ScanOptions": "FS",
    "SliceAcquisitionOrder": "Sequential Ascending",
    "SliceEncodingDirection": "k",
    "SliceThickness": 3.5,
    "SliceTiming": [
      0.0,
      0.05263,
      0.10526,
      0.15788999999999997,
      0.21053,
      0.26316,
      0.31579,
      0.36842,
      0.42105000000000004,
      0.47368,
      0.52632,
      0.5789500000000001,
      0.63158,
      0.68421,
      0.73684,
      0.78947,
      0.84211,
      0.89474,
      0.94737,
      1.0,
      1.0526300000000002,
      1.10526,
      1.15789,
      1.2105299999999999,
      1.26316,
      1.31579,
      1.36842,
      1.42105,
      1.47368,
      1.52632,
      1.57895,
      1.63158,
      1.68421,
      1.73684,
      1.7894700000000001,
      1.84211,
      1.89474,
      1.9473699999999998
    ],
    "SpacingBetweenSlices": 3.85,
    "TaskName": "rest",
    "dataset": "<unset>",
    "modality": "bold",
    "run_id": 1,
    "session_id": "01",
    "subject_id": "207",
    "task_id": "rest"
  },
  "dummy_trs": 0,
  "dvars_nstd": 25.407479138859067,
  "dvars_std": 1.2911677013422824,
  "dvars_vstd": 1.0408929881208056,
  "efc": 0.41098009487322634,
  "fber": 1516997.625,
  "fd_mean": 0.26412288226017333,
  "fd_num": 17,
  "fd_perc": 11.333333333333334,
  "fwhm_avg": 2.093471669670082,
  "fwhm_x": 2.0633433333333335,
  "fwhm_y": 2.4302566666666667,
  "fwhm_z": 1.786815009010246,
  "gcor": 0.0358358,
  "gsr_x": -0.010442058555781841,
  "gsr_y": 0.017084218561649323,
  "provenance": {
    "md5sum": "23b97e9e06d0a7a1e10540cb83dad80b",
    "settings": {
      "fd_thres": 0.2,
      "testing": false
    },
    "software": "mriqc",
    "version": "23.1.0"
  },
  "size_t": 150,
  "size_x": 80,
  "size_y": 80,
  "size_z": 38,
  "snr": 5.460410959016847,
  "spacing_tr": 2.0,
  "spacing_x": 3.0,
  "spacing_y": 3.0,
  "spacing_z": 3.840789318084717,
  "summary_bg_k": 24.175448281195422,
  "summary_bg_mad": 1249.6690319814143,
  "summary_bg_mean": 25838.852426130612,
  "summary_bg_median": 858.3264770507812,
  "summary_bg_n": 199312.0,
  "summary_bg_p05": 8.238877296447754,
  "summary_bg_p95": 148041.25,
  "summary_bg_stdv": 74395.09841780383,
  "summary_fg_k": 1.97055999688709,
  "summary_fg_mad": 169048.48252601718,
  "summary_fg_mean": 1044963.0163893746,
  "summary_fg_median": 1057170.3125,
  "summary_fg_n": 43888.0,
  "summary_fg_p05": 686762.25,
  "summary_fg_p95": 1318748.875,
  "summary_fg_stdv": 193604.15844330267,
  "tsnr": 61.035531997680664
}