{
  "bids_meta": {
    "AcquisitionDuration": 103,
    "AcquisitionMatrix": "208x207",
    "EchoTime": "0.0046",
    "FieldofViewDimensions": "250x250",
    "FieldofViewShape": "Rectangle",
    "FlipAngle": 8,
    "InversionTime": 0.9,
    "MagneticFieldStrength": 3.0,
    "Manufacturer": "Philips",
    "ManufacturersModelName": "Achieva Ds",
    "Notes": "Reconstructed Voxels 0.98x0.98x1.2",
    "NumberOfSlices": 182,
    "ParallelAcquisition": "Yes",
    "ParallelAcquisitionTechnique": "SENSE",
    "ParallelReductionFactorIn-plane": 1.5,
    "ParallelReductionFactorout-of-plane": 2.5,
    "PhaseEncodingDirection": "i",
    "PixelBandwidth": 131.0,
    "PixelSpacing": "1.2x1.2",
    "PlaneOrientationSequence": "Coronal",
    "ReceiveCoilName": "32 Chan",
    "ReceiveCoilType": "Head",
    "RepetitionTime": "0.0094",
    "ScanningSequence": "3D TFE",
    "SliceThickness": 1.2,
    "dataset": "<unset>",
    "modality": "T1w",
    "run_id": 1,
    "session_id": "01",
    "subject_id": "309"
  },
  "cjv": 0.4961571686119013,
  "cnr": 2.316414937450205,
  "efc": 0.7063605558302319,
  "fber": -1.0,
  "fwhm_avg": 5.55477978329861,
  "fwhm_x": 5.49623808,
  "fwhm_y": 5.898075351552686,
  "fwhm_z": 5.270025918343145,
  "icvs_csf": 0.27738839805910354,
  "icvs_gm": 0.38850840402065084,
  "icvs_wm": 0.3341031979202457,
  "inu_med": 0.5023313462734222,
  "inu_range": 0.1582248613238335,
  "provenance": {
    "md5sum": "437d3ad6eb4f0b338c2181d5e926e519",
    "settings": {
      "testing": false
    },
    "software": "mriqc",
    "version": "23.1.0",
    "warnings": {
      "large_rot_frame": true,
      "small_air_mask": false
    }
  },
  "qi_1": 0.0,
  "qi_2": 0.0012894589809309173,
  "rpve_csf": 7.864004737575456,
  "rpve_gm": 7.811336218649696,
  "rpve_wm": 7.926315386423607,
  "size_x": 256,
  "size_y": 182,
  "size_z": 256,
  "snr_csf": 2.304309151358456,
  "snr_gm": 5.451250768383995,
  "snr_total": 6.466714451519702,
  "snr_wm": 11.644583434816656,
  "snrd_csf": 304.2461944344331,
  "snrd_gm": 479.89312958003234,
  "snrd_total": 504.8040735831362,
  "snrd_wm": 730.2728967349432,
  "spacing_x": 0.9765625,
  "spacing_y": 1.1999999284744263,
  "spacing_z": 0.9765625596046448,
  "summary_bg_k": 277.83400648413874,
  "summary_bg_mad": 0.0,
  "summary_bg_mean": 0.09926816320938375,
  "summary_bg_median": 0.0,
  "summary_bg_n": 4902904.0,
  "summary_bg_p05": 0.0,
  "summary_bg_p95": 0.0,
  "summary_bg_stdv": 0.8700326952456033,
  "summary_csf_k": -0.6426988268820715,
  "summary_csf_mad": 125.40644154944677,
  "summary_csf_mean": 402.10069826246206,
  "summary_csf_median": 404.0443128515035,
  "summary_csf_n": 414362.7893285495,
  "summary_csf_p05": 118.3332610912621,
  "summary_csf_p95": 685.2616964690387,
  "summary_csf_stdv": 175.34271608652475,
  "summary_gm_k": -0.8468091261175212,
  "summary_gm_mad": 101.07887051637726,
  "summary_gm_mean": 640.1975433317588,
  "summary_gm_median": 637.306540986523,
  "summary_gm_n": 580353.8543572358,
  "summary_gm_p05": 452.4306789133698,
  "summary_gm_p95": 830.8066146466881,
  "summary_gm_stdv": 116.91004853699032,
  "summary_wm_k": -0.6966698438325758,
  "summary_wm_mad": 63.897728066111995,
  "summary_wm_mean": 942.0831152340398,
  "summary_wm_median": 969.8152882531285,
  "summary_wm_n": 499083.3574240688,
  "summary_wm_p05": 776.9279875215143,
  "summary_wm_p95": 1037.7876927349716,
  "summary_wm_stdv": 83.28458652771118,
  "tpm_overlap_csf": 0.20912277185927475,
  "tpm_overlap_gm": 0.5364335516510631,
  "tpm_overlap_wm": 0.5447377434487642,
  "wm2max": 0.76387316119617
}