{
  "aor": 0.0011314814814814816,
  "aqi": 0.004286269691358024,
  "bids_meta": {
    "AcquisitionDuration": 420,
    "AcquisitionMatrix": "80x78",
    "EchoTime": 0.03,
    "FieldofViewDimensions": "200x200",
    "FieldofViewShape": "Rectangle",
    "FlipAngle": 90,
    "Instructions": "participants were instructed to relax, fixate on a white cross (against a black background) and think of nothing in particular.",
    "MagneicFieldStrength": 3.0,
    "Manufacturer": "Philips",
    "ManufacturersModelName": "Achieva Ds",
    "Notes": "Reconstructed voxels 1.56x1.56x2.7",
    "NumberOfSlices": 45,
    "NumberofMeasurements": "162",
    "ParallelAcquisition": "Yes",
    "ParallelAcquisitionTechnique": "SENSE",
    "ParallelReductionFactorIn-plane": "2",
    "PhaseEncodingDirection": "j-",
    "PixelBandwidth": "2188",
    "PixelSpacing": "2.5x2.56",
    "PlaneOrientationSequentialuence": "Axial",
    "PulseSequenceType": "EPI",
    "ReceiveCoilName": "32 Chan",
    "ReceiveCoilType": "Head",
    "RepetitionTime": 2.5,
    "ScanOptions": "FS",
    "SliceAcquisitionOrder": "Sequential Ascending",
    "SliceEncodingDirection": "k",
    "SliceThickness": 2.7,
    "SliceTiming": [
      0.0,
      0.055560000000000005,
      0.11111,
      0.16666999999999998,
      0.22222,
      0.27777999999999997,
      0.33332999999999996,
      0.38889,
      0.44444,
      0.5,
      0.5555599999999999,
      0.61111,
      0.66667,
      0.72222,
      0.77778,
      0.83333,
      0.88889,
      0.9444400000000001,
      1.0,
      1.05556,
      1.1111099999999998,
      1.16667,
      1.22222,
      1.27778,
      1.33333,
      1.3888900000000002,
      1.44444,
      1.5,
      1.55556,
      1.6111099999999998,
      1.66667,
      1.72222,
      1.77778,
      1.83333,
      1.8888900000000002,
      1.94444,
      2.0,
      2.05556,
      2.11111,
      2.16667,
      2.2222199999999996,
      2.2777800000000004,
      2.33333,
      2.38889,
      2.44444
    ],
    "SpacingBetweenSlices": 3.1,
    "TaskDescription": "Scan sessions started with the acquisition of the anatomical followed by the resting state scan (in turn followed by two task-related fMRI runs). During the resting state scan, participants were instructed to relax, fixate on a white cross (against a black background) and think of nothing in particular.",
    "TaskName": "rest",
    "dataset": "<unset>",
    "modality": "bold",
    "run_id": 1,
    "session_id": "01",
    "subject_id": "305",
    "task_id": "rest"
  },
  "dummy_trs": 0,
  "dvars_nstd": 20.792384307577645,
  "dvars_std": 1.1911047164596267,
  "dvars_vstd": 1.0158001013043483,
  "efc": 0.5281154882996524,
  "fber": 24055.900390625,
  "fd_mean": 0.05473892495229106,
  "fd_num": 0,
  "fd_perc": 0.0,
  "fwhm_avg": 2.716868006716471,
  "fwhm_x": 2.9705152,
  "fwhm_y": 3.379776,
  "fwhm_z": 1.8003128201494145,
  "gcor": 0.00715349,
  "gsr_x": 0.008444842882454395,
  "gsr_y": 0.03310362622141838,
  "provenance": {
    "md5sum": "f035b8d19a467dba5132dc15b02d3297",
    "settings": {
      "fd_thres": 0.2,
      "testing": false
    },
    "software": "mriqc",
    "version": "23.1.0"
  },
  "size_t": 162,
  "size_x": 128,
  "size_y": 128,
  "size_z": 45,
  "snr": 4.551353907750415,
  "spacing_tr": 2.5,
  "spacing_x": 1.5625,
  "spacing_y": 1.5625,
  "spacing_z": 3.1000001430511475,
  "summary_bg_k": 15.277389592012813,
  "summary_bg_mad": 8.492931467012278,
  "summary_bg_mean": 64.5123153771663,
  "summary_bg_median": 7.092592716217041,
  "summary_bg_n": 551276.0,
  "summary_bg_p05": 1.1790122985839844,
  "summary_bg_p95": 362.129638671875,
  "summary_bg_stdv": 127.23236926508828,
  "summary_fg_k": 2.583890829619375,
  "summary_fg_mad": 199.6799778640347,
  "summary_fg_mean": 1090.7377524966616,
  "summary_fg_median": 1100.0586547851562,
  "summary_fg_n": 186004.0,
  "summary_fg_p05": 653.7901000976562,
  "summary_fg_p95": 1418.154296875,
  "summary_fg_stdv": 241.69856266826218,
  "tsnr": 78.24990005022846
}