{
  "bids_meta": {
    "AcquisitionDuration": 488,
    "AcquisitionMatrix": "256x200",
    "EchoTime": 0.0037,
    "FieldofViewDimensions": "256x200",
    "FieldofViewShape": "Rectangle",
    "FlipAngle": 8,
    "InversionTime": 1.0,
    "MagneticFieldStrength": 3,
    "Manufacturer": "Philips",
    "ManufacturersModelName": "Achieva",
    "NumberOfSlices": 200.0,
    "ParallelAcquisition": "Yes",
    "ParallelAcquisitionTechnique": "SENSE",
    "ParallelReductionFactorIn-plane": 1.0,
    "ParallelReductionFactorout-of-plane": 2.0,
    "PhaseEncodingDirection": "i",
    "PixelBandwidth": 191.5,
    "PixelSpacing": "1x1",
    "PlaneOrientationSequence": "Coronal",
    "ReceiveCoilType": "Head",
    "RepetitionTime": 3.5,
    "ScanningSequence": "MPRAGE",
    "SliceThickness": 1.0,
    "SpacingBetweenSlices": 1.0,
    "dataset": "<unset>",
    "modality": "T1w",
    "run_id": 1,
    "session_id": "01",
    "subject_id": "103"
  },
  "cjv": 0.48154063320688417,
  "cnr": 2.230552058947138,
  "efc": 0.7014228667891284,
  "fber": -1.0,
  "fwhm_avg": 3.443772166720953,
  "fwhm_x": 3.51054,
  "fwhm_y": 3.6044663084558324,
  "fwhm_z": 3.2163101917070263,
  "icvs_csf": 0.26405195219932087,
  "icvs_gm": 0.3934924892523006,
  "icvs_wm": 0.34245555854837856,
  "inu_med": 0.8104093372821808,
  "inu_range": 0.3221357256174088,
  "provenance": {
    "md5sum": "691fb6d77a61019c69c201fa7fb37565",
    "settings": {
      "testing": false
    },
    "software": "mriqc",
    "version": "23.1.0",
    "warnings": {
      "large_rot_frame": true,
      "small_air_mask": false
    }
  },
  "qi_1": 0.0,
  "qi_2": 0.001162498468145841,
  "rpve_csf": 7.434792830820435,
  "rpve_gm": 7.3762928544127435,
  "rpve_wm": 7.528081231576515,
  "size_x": 256,
  "size_y": 200,
  "size_z": 256,
  "snr_csf": 2.2216469129513103,
  "snr_gm": 4.252952740386478,
  "snr_total": 4.421466440916736,
  "snr_wm": 6.789799669412418,
  "snrd_csf": 58.50680391403619,
  "snrd_gm": 76.39693830599336,
  "snrd_total": 90.4900517074165,
  "snrd_wm": 136.56641290221992,
  "spacing_x": 1.0,
  "spacing_y": 0.999989926815033,
  "spacing_z": 0.9999999403953552,
  "summary_bg_k": 4400.415353810405,
  "summary_bg_mad": 0.0,
  "summary_bg_mean": 0.5790033840991591,
  "summary_bg_median": 0.0,
  "summary_bg_n": 5686288.0,
  "summary_bg_p05": 0.0,
  "summary_bg_p95": 0.0,
  "summary_bg_stdv": 4.541416775393696,
  "summary_csf_k": -0.22552546890533387,
  "summary_csf_mad": 213.2101020551365,
  "summary_csf_mean": 376.95357676566454,
  "summary_csf_median": 405.5701694637537,
  "summary_csf_n": 455481.6960214321,
  "summary_csf_p05": 70.41513696312904,
  "summary_csf_p95": 650.3065609186888,
  "summary_csf_stdv": 182.5536370739326,
  "summary_gm_k": 0.36313211825205416,
  "summary_gm_mad": 93.23072672082095,
  "summary_gm_mean": 538.4112880788252,
  "summary_gm_median": 529.5848882943392,
  "summary_gm_n": 678762.7392394412,
  "summary_gm_p05": 345.769851654768,
  "summary_gm_p95": 750.5342757701874,
  "summary_gm_stdv": 124.5216042855936,
  "summary_wm_k": 1.2556994557253685,
  "summary_wm_mad": 107.61786393623456,
  "summary_wm_mean": 910.1478924868576,
  "summary_wm_median": 946.6807194799185,
  "summary_wm_n": 590725.5648761058,
  "summary_wm_p05": 638.7808991968632,
  "summary_wm_p95": 1078.0172112584114,
  "summary_wm_stdv": 139.42678197972617,
  "tpm_overlap_csf": 0.2323735550032796,
  "tpm_overlap_gm": 0.5278945118784701,
  "tpm_overlap_wm": 0.5201898758562964,
  "wm2max": 0.46634475596114644
}