{
  "aor": 0.0062566497461928935,
  "aqi": 0.013821630761421318,
  "bids_meta": {
    "CogAtlasID": "http://www.cognitiveatlas.org/term/id/trm_54e69c642d89b",
    "EchoTime": 0.03,
    "EffectiveEchoSpacing": 0.0005,
    "FlipAngle": 80,
    "Instructions": "Subjects were instructed to close their eyes during the scan.",
    "MagneticFieldStrength": 3,
    "Manufacturer": "Siemens",
    "ManufacturersModelName": "Verio",
    "PhaseEncodingDirection": "j-",
    "RepetitionTime": 2.5,
    "SliceTiming": [
      0,
      0.065,
      0.13,
      0.195,
      0.2575,
      0.3225,
      0.3875,
      0.4525,
      0.515,
      0.58,
      0.645,
      0.7075,
      0.7725,
      0.8375,
      0.9025,
      0.965,
      1.03,
      1.095,
      1.16,
      1.2225,
      1.2875,
      1.3525,
      1.4175,
      1.48,
      1.545,
      1.61,
      1.675,
      1.7375,
      1.8025,
      1.8675,
      1.9325,
      1.995,
      2.06,
      2.125,
      2.1875,
      2.2525,
      2.3175,
      2.3825,
      2.445
    ],
    "SoftwareVersions": "syngo_MR_B17",
    "TaskName": "rest",
    "TotalReadoutTime": 0.0315,
    "dataset": "<unset>",
    "modality": "bold",
    "run_id": 1,
    "session_id": "01",
    "subject_id": "706",
    "task_id": "rest"
  },
  "dummy_trs": 1,
  "dvars_nstd": 33.24053711801017,
  "dvars_std": 1.2302150235204075,
  "dvars_vstd": 1.018255692755102,
  "efc": 0.575418731326711,
  "fber": 1205.414794921875,
  "fd_mean": 0.4248182589182551,
  "fd_num": 159,
  "fd_perc": 80.71065989847716,
  "fwhm_avg": 1.694687349865229,
  "fwhm_x": 1.6550099999999999,
  "fwhm_y": 1.83973,
  "fwhm_z": 1.589322049595687,
  "gcor": 0.0274136,
  "gsr_x": 0.006752293556928635,
  "gsr_y": 0.025042114779353142,
  "provenance": {
    "md5sum": "cb0924e30058a016ea9aba4758eaf3da",
    "settings": {
      "fd_thres": 0.2,
      "testing": false
    },
    "software": "mriqc",
    "version": "23.1.0"
  },
  "size_t": 197,
  "size_x": 64,
  "size_y": 64,
  "size_z": 39,
  "snr": 4.365473545215522,
  "spacing_tr": 2.5,
  "spacing_x": 3.0,
  "spacing_y": 3.0,
  "spacing_z": 3.5099997520446777,
  "summary_bg_k": 24.972786090354738,
  "summary_bg_mad": 14.683029662280457,
  "summary_bg_mean": 50.67385929695098,
  "summary_bg_median": 19.57868003845215,
  "summary_bg_n": 113364.0,
  "summary_bg_p05": 7.949238300323486,
  "summary_bg_p95": 217.6700439453125,
  "summary_bg_stdv": 80.28075963389006,
  "summary_fg_k": 1.748280580166572,
  "summary_fg_mad": 110.5367096592241,
  "summary_fg_mean": 697.4329725331507,
  "summary_fg_median": 679.7538146972656,
  "summary_fg_n": 46380.0,
  "summary_fg_p05": 455.352783203125,
  "summary_fg_p95": 992.5964050292969,
  "summary_fg_stdv": 155.709679494163,
  "tsnr": 50.505440438282676
}