{
  "NumberOfShells": 1,
  "b-values": [
    1000.0
  ],
  "bids_meta": {
    "AccelerationFactorPE": 1,
    "AcquisitionMatrix": "96/0/0/96",
    "DeviceSerialNumber": "35343",
    "EPIFactor": 128,
    "EchoTime": 0.0926,
    "EchoTrainLength": 1,
    "EffectiveEchoSpacing": 0.000689983,
    "FlipAngle": 90,
    "ImageType": "ORIGINAL/PRIMARY/M/ND/MOSAIC",
    "ImagingFrequency": 123249566,
    "InPlanePhaseEncodingDirection": "COL",
    "MRAcquisitionType": "2D",
    "MagneticFieldStrength": 3,
    "ManufacturerModelName": "TrioTim",
    "NumberOfAverages": 1,
    "NumberOfPhaseEncodingSteps": 72,
    "PatientPosition": "HFS",
    "PercentPhaseFieldOfView": 100,
    "PercentSampling": 100,
    "PhaseEncodingDirection": "j-",
    "PixelBandwidth": 2265,
    "ProtocolName": "DTI 64dir",
    "ReceiveCoilName": "HeadMatrix",
    "RepetitionTime": 8.4,
    "ScanOptions": "PFP/FS",
    "ScanningSequence": "EP",
    "SequenceName": "*ep_b1000#10",
    "SequenceVariant": "SK/SP",
    "SliceTiming": [
      4.2175,
      0,
      4.3575,
      0.1425,
      4.5,
      0.2825,
      4.64,
      0.4225,
      4.78,
      0.5625,
      4.92,
      0.705,
      5.06,
      0.845,
      5.2025,
      0.985,
      5.3425,
      1.125,
      5.4825,
      1.265,
      5.6225,
      1.4075,
      5.765,
      1.5475,
      5.905,
      1.6875,
      6.045,
      1.8275,
      6.185,
      1.97,
      6.325,
      2.11,
      6.4675,
      2.25,
      6.6075,
      2.39,
      6.7475,
      2.53,
      6.8875,
      2.6725,
      7.03,
      2.8125,
      7.17,
      2.9525,
      7.31,
      3.0925,
      7.45,
      3.235,
      7.59,
      3.375,
      7.7325,
      3.515,
      7.8725,
      3.655,
      8.0125,
      3.795,
      8.1525,
      3.9375,
      8.2925,
      4.0775
    ],
    "SoftwareVersions": "syngo MR B15",
    "TotalReadoutTime": 0.088317824,
    "TotalScanTimeSec": 556,
    "TransmitCoilName": "Body",
    "VariableFlipAngleFlag": "N",
    "dataset": "<unset>",
    "modality": "dwi",
    "subject_id": "10492"
  },
  "provenance": {
    "md5sum": "f80b7024d3c6d71c6c4698b21b4e3350",
    "settings": {
      "testing": false
    },
    "software": "mriqc",
    "version": "23.1.0"
  }
}