{
  "aor": 0.0063825,
  "aqi": 0.004728350512820513,
  "bids_meta": {
    "AcquisitionDuration": 400,
    "AcquisitionMatrix": "84x81",
    "EchoTime": 0.03,
    "FieldofViewDimensions": "256x256",
    "FieldofViewShape": "Rectangular",
    "FlipAngle": 75,
    "Instructions": "Participants were asked to simply look at a crosshair on a black computer screen",
    "MagneicFieldStrength": 3,
    "Manufacturer": "Philips",
    "ManufacturersModelName": "Achieva",
    "Notes": "Voxels reconstructed in-plane to 2.67x2.67",
    "NumberOfSlices": 47.0,
    "NumberofMeasurements": 156.0,
    "ParallelAcquisition": "Yes",
    "ParallelAcquisitionTechnique": "SENSE",
    "ParallelReductionFactorIn-plane": 3.0,
    "PhaseEncodingDirection": "j-",
    "PixelBandwidth": 2696.9,
    "PixelSpacing": "3.05x3.15",
    "PlaneOrientationSequentialuence": "Axial",
    "PulseSequenceType": "EPI",
    "ReceiveCoilType": "Head",
    "RepetitionTime": 2.5,
    "ScanOptions": "FS",
    "SliceAcquisitionOrder": "Sequential Ascending",
    "SliceEncodingDirection": "k",
    "SliceThickness": 3.0,
    "SliceTiming": [
      0.0,
      0.05319,
      0.10638,
      0.15957,
      0.21277000000000001,
      0.26596,
      0.31915,
      0.37233999999999995,
      0.42552999999999996,
      0.47872000000000003,
      0.53191,
      0.58511,
      0.6383,
      0.69149,
      0.7446799999999999,
      0.79787,
      0.8510599999999999,
      0.90426,
      0.95745,
      1.01064,
      1.0638299999999998,
      1.11702,
      1.17021,
      1.2234,
      1.2766,
      1.32979,
      1.38298,
      1.4361700000000002,
      1.4893599999999998,
      1.5425499999999999,
      1.59574,
      1.64894,
      1.7021300000000001,
      1.75532,
      1.80851,
      1.8617000000000001,
      1.9148900000000002,
      1.96809,
      2.02128,
      2.07447,
      2.1276599999999997,
      2.18085,
      2.23404,
      2.28723,
      2.34043,
      2.39362,
      2.44681
    ],
    "SpacingBetweenSlices": 3.0,
    "TaskDescription": "Children taking psychostimulants were asked to withhold them the day prior to and the day of the scan. During the resting state fMRI scan participants were asked to simply look at a crosshair on a black computer screen.",
    "TaskName": "rest",
    "dataset": "<unset>",
    "modality": "bold",
    "run_id": 1,
    "session_id": "01",
    "subject_id": "103",
    "task_id": "rest"
  },
  "dummy_trs": 0,
  "dvars_nstd": 23.195566552516144,
  "dvars_std": 1.2073618671612902,
  "dvars_vstd": 1.0136868205806457,
  "efc": 0.3950234464284242,
  "fber": 50111.8515625,
  "fd_mean": 0.12344376547961357,
  "fd_num": 22,
  "fd_perc": 14.102564102564102,
  "fwhm_avg": 2.812723940767897,
  "fwhm_x": 2.644453107956644,
  "fwhm_y": 3.0499587143470475,
  "fwhm_z": 2.74376,
  "gcor": 0.0282091,
  "gsr_x": -0.009059983305633068,
  "gsr_y": 0.00724043557420373,
  "provenance": {
    "md5sum": "b4d1f42e6ff26fe28def735db8b3f1cd",
    "settings": {
      "fd_thres": 0.2,
      "testing": false
    },
    "software": "mriqc",
    "version": "23.1.0"
  },
  "size_t": 156,
  "size_x": 96,
  "size_y": 96,
  "size_z": 47,
  "snr": 3.2238817003416123,
  "spacing_tr": 2.5,
  "spacing_x": 2.6700000762939453,
  "spacing_y": 2.6700000762939453,
  "spacing_z": 3.0,
  "summary_bg_k": 55.77715578057876,
  "summary_bg_mad": 2.1763839624381105,
  "summary_bg_mean": 19.983212727951233,
  "summary_bg_median": 3.6474359035491943,
  "summary_bg_n": 359060.0,
  "summary_bg_p05": 1.1858974695205688,
  "summary_bg_p95": 94.8974380493164,
  "summary_bg_stdv": 54.26140221562282,
  "summary_fg_k": -0.17374195330760722,
  "summary_fg_mad": 267.562192739778,
  "summary_fg_mean": 837.3314844725077,
  "summary_fg_median": 816.5032043457031,
  "summary_fg_n": 74092.0,
  "summary_fg_p05": 467.01922607421875,
  "summary_fg_p95": 1273.6346435546875,
  "summary_fg_stdv": 253.26540182209493,
  "tsnr": 56.225635917973705
}