{
  "aor": 0.0034298734177215188,
  "aqi": 0.007316557848101266,
  "bids_meta": {
    "AccelNumReferenceLines": 24,
    "AccelerationFactorPE": 2,
    "AcquisitionMatrix": "64/0/0/64",
    "DeviceSerialNumber": "35343",
    "EPIFactor": 128,
    "EchoTime": 0.03,
    "EchoTrainLength": 1,
    "EffectiveEchoSpacing": 0.000395,
    "FlipAngle": 90,
    "ImageType": "ORIGINAL/PRIMARY/M/ND/MOSAIC",
    "ImagingFrequency": 123249521,
    "InPlanePhaseEncodingDirection": "COL",
    "MRAcquisitionType": "2D",
    "MagneticFieldStrength": 3,
    "ManufacturerModelName": "TrioTim",
    "NumberOfAverages": 1,
    "NumberOfPhaseEncodingSteps": 63,
    "PatientPosition": "HFS",
    "PercentPhaseFieldOfView": 100,
    "PercentSampling": 100,
    "PhaseEncodingDirection": "j-",
    "PixelBandwidth": 1420,
    "ProtocolName": "BOLD - BHT",
    "ReceiveCoilName": "HeadMatrix",
    "RepetitionTime": 2,
    "ScanOptions": "FS",
    "ScanningSequence": "EP",
    "SequenceName": "*epfid2d1_64",
    "SequenceVariant": "SK",
    "SliceTiming": [
      1.005,
      0,
      1.0625,
      0.06,
      1.1225,
      0.1175,
      1.1825,
      0.1775,
      1.24,
      0.2375,
      1.3,
      0.295,
      1.3575,
      0.355,
      1.4175,
      0.4125,
      1.4775,
      0.4725,
      1.535,
      0.5325,
      1.595,
      0.59,
      1.6525,
      0.65,
      1.7125,
      0.71,
      1.7725,
      0.7675,
      1.83,
      0.8275,
      1.89,
      0.885,
      1.95,
      0.945
    ],
    "SoftwareVersions": "syngo MR B15",
    "TaskName": "bht",
    "TaskParameters": {
      "trigger_time": 10.273
    },
    "TotalScanTimeSec": 166,
    "TransmitCoilName": "Body",
    "VariableFlipAngleFlag": "N",
    "dataset": "<unset>",
    "modality": "bold",
    "subject_id": "10377",
    "task_id": "bht"
  },
  "dummy_trs": 0,
  "dvars_nstd": 28.650825452051283,
  "dvars_std": 1.1135499176923078,
  "dvars_vstd": 1.0092267900000005,
  "efc": 0.5585705606068483,
  "fber": 1394.6416015625,
  "fd_mean": 0.293103012477734,
  "fd_num": 38,
  "fd_perc": 48.10126582278481,
  "fwhm_avg": 2.214618333333333,
  "fwhm_x": 2.2353866666666664,
  "fwhm_y": 2.4077933333333332,
  "fwhm_z": 2.000675,
  "gcor": 0.0193846,
  "gsr_x": -0.00046437379205599427,
  "gsr_y": 0.0416734553873539,
  "provenance": {
    "md5sum": "97c888516a972621bf2c08cc40220041",
    "settings": {
      "fd_thres": 0.2,
      "testing": false
    },
    "software": "mriqc",
    "version": "23.1.0"
  },
  "size_t": 79,
  "size_x": 64,
  "size_y": 64,
  "size_z": 34,
  "snr": 3.9521875371983994,
  "spacing_tr": 2.0,
  "spacing_x": 3.0,
  "spacing_y": 3.0,
  "spacing_z": 4.0,
  "summary_bg_k": 21.525924904039524,
  "summary_bg_mad": 11.33534016311179,
  "summary_bg_mean": 52.819424616763705,
  "summary_bg_median": 20.97468376159668,
  "summary_bg_n": 100422.0,
  "summary_bg_p05": 11.886075973510742,
  "summary_bg_p95": 214.16456604003906,
  "summary_bg_stdv": 78.94907042955127,
  "summary_fg_k": 1.1301124825298752,
  "summary_fg_mad": 165.47904854994937,
  "summary_fg_mean": 799.9624662798518,
  "summary_fg_median": 783.2974853515625,
  "summary_fg_n": 38842.0,
  "summary_fg_p05": 485.15191650390625,
  "summary_fg_p95": 1147.6962890625,
  "summary_fg_stdv": 198.190848685505,
  "tsnr": 52.04841851827223
}