{
  "aor": 0.0008313157894736842,
  "aqi": 0.0040393591447368425,
  "bids_meta": {
    "AccelNumReferenceLines": 24,
    "AccelerationFactorPE": 2,
    "AcquisitionMatrix": "64/0/0/64",
    "DeviceSerialNumber": "35343",
    "EPIFactor": 128,
    "EchoTime": 0.03,
    "EchoTrainLength": 1,
    "EffectiveEchoSpacing": 0.000395,
    "FlipAngle": 90,
    "ImageType": "ORIGINAL/PRIMARY/M/ND/MOSAIC",
    "ImagingFrequency": 123249521,
    "InPlanePhaseEncodingDirection": "COL",
    "MRAcquisitionType": "2D",
    "MagneticFieldStrength": 3,
    "ManufacturerModelName": "TrioTim",
    "NumberOfAverages": 1,
    "NumberOfPhaseEncodingSteps": 63,
    "PatientPosition": "HFS",
    "PercentPhaseFieldOfView": 100,
    "PercentSampling": 100,
    "PhaseEncodingDirection": "j-",
    "PixelBandwidth": 1420,
    "ProtocolName": "BOLD - RESTING",
    "ReceiveCoilName": "HeadMatrix",
    "RepetitionTime": 2,
    "ScanOptions": "FS",
    "ScanningSequence": "EP",
    "SequenceName": "*epfid2d1_64",
    "SequenceVariant": "SK",
    "SliceTiming": [
      1.005,
      0,
      1.0625,
      0.06,
      1.1225,
      0.1175,
      1.1825,
      0.1775,
      1.24,
      0.2375,
      1.3,
      0.295,
      1.3575,
      0.355,
      1.4175,
      0.4125,
      1.4775,
      0.4725,
      1.535,
      0.5325,
      1.595,
      0.59,
      1.6525,
      0.65,
      1.7125,
      0.71,
      1.7725,
      0.7675,
      1.83,
      0.8275,
      1.89,
      0.885,
      1.95,
      0.945
    ],
    "SoftwareVersions": "syngo MR B15",
    "TaskName": "rest",
    "TotalScanTimeSec": 312,
    "TransmitCoilName": "Body",
    "VariableFlipAngleFlag": "N",
    "dataset": "<unset>",
    "modality": "bold",
    "subject_id": "10377",
    "task_id": "rest"
  },
  "dummy_trs": 0,
  "dvars_nstd": 24.537005342384113,
  "dvars_std": 1.1295918635761593,
  "dvars_vstd": 1.0034185468874177,
  "efc": 0.5575516330142873,
  "fber": 1458.2974853515625,
  "fd_mean": 0.22971588320160188,
  "fd_num": 88,
  "fd_perc": 57.89473684210526,
  "fwhm_avg": 2.225518611111111,
  "fwhm_x": 2.243043333333333,
  "fwhm_y": 2.40671,
  "fwhm_z": 2.0268025,
  "gcor": 0.0152132,
  "gsr_x": 0.0002648428489919752,
  "gsr_y": 0.04054776206612587,
  "provenance": {
    "md5sum": "dce7d726e362cb5d1fb01c9329df57ab",
    "settings": {
      "fd_thres": 0.2,
      "testing": false
    },
    "software": "mriqc",
    "version": "23.1.0"
  },
  "size_t": 152,
  "size_x": 64,
  "size_y": 64,
  "size_z": 34,
  "snr": 3.9531663064340408,
  "spacing_tr": 2.0,
  "spacing_x": 3.0,
  "spacing_y": 3.0,
  "spacing_z": 4.0,
  "summary_bg_k": 22.664417047027612,
  "summary_bg_mad": 10.709848971224194,
  "summary_bg_mean": 52.90691567338985,
  "summary_bg_median": 20.578947067260742,
  "summary_bg_n": 100528.0,
  "summary_bg_p05": 12.348684310913086,
  "summary_bg_p95": 215.69737243652344,
  "summary_bg_stdv": 80.74736848169866,
  "summary_fg_k": 1.0998928857461916,
  "summary_fg_mad": 166.70008694322362,
  "summary_fg_mean": 801.3281084667893,
  "summary_fg_median": 785.8618469238281,
  "summary_fg_n": 38736.0,
  "summary_fg_p05": 486.53289794921875,
  "summary_fg_p95": 1149.618408203125,
  "summary_fg_stdv": 198.79044849734936,
  "tsnr": 66.9480969599681
}