{
  "aor": 0.012281271477663232,
  "aqi": 0.006389787147766323,
  "bids_meta": {
    "AccelNumReferenceLines": 24,
    "AccelerationFactorPE": 2,
    "AcquisitionMatrix": "64/0/0/64",
    "DeviceSerialNumber": "35343",
    "EPIFactor": 128,
    "EchoTime": 0.03,
    "EchoTrainLength": 1,
    "EffectiveEchoSpacing": 0.000395,
    "FlipAngle": 90,
    "ImageType": "ORIGINAL/PRIMARY/M/ND/MOSAIC",
    "ImagingFrequency": 123249521,
    "InPlanePhaseEncodingDirection": "COL",
    "MRAcquisitionType": "2D",
    "MagneticFieldStrength": 3,
    "ManufacturerModelName": "TrioTim",
    "NumberOfAverages": 1,
    "NumberOfPhaseEncodingSteps": 63,
    "PatientPosition": "HFS",
    "PercentPhaseFieldOfView": 100,
    "PercentSampling": 100,
    "PhaseEncodingDirection": "j-",
    "PixelBandwidth": 1420,
    "ProtocolName": "BOLD - SCAP",
    "ReceiveCoilName": "HeadMatrix",
    "RepetitionTime": 2,
    "ScanOptions": "FS",
    "ScanningSequence": "EP",
    "SequenceName": "*epfid2d1_64",
    "SequenceVariant": "SK",
    "SliceTiming": [
      1.0025,
      0,
      1.0625,
      0.0575,
      1.1225,
      0.1175,
      1.18,
      0.1775,
      1.24,
      0.235,
      1.2975,
      0.295,
      1.3575,
      0.355,
      1.4175,
      0.4125,
      1.475,
      0.4725,
      1.535,
      0.53,
      1.595,
      0.59,
      1.6525,
      0.65,
      1.7125,
      0.7075,
      1.77,
      0.7675,
      1.83,
      0.825,
      1.89,
      0.885,
      1.9475,
      0.945
    ],
    "SoftwareVersions": "syngo MR B15",
    "TaskName": "scap",
    "TaskParameters": {
      "trigger_time": 8.2915
    },
    "TotalScanTimeSec": 590,
    "TransmitCoilName": "Body",
    "VariableFlipAngleFlag": "N",
    "dataset": "<unset>",
    "modality": "bold",
    "subject_id": "10377",
    "task_id": "scap"
  },
  "dummy_trs": 0,
  "dvars_nstd": 26.563215623793106,
  "dvars_std": 1.2357052653448275,
  "dvars_vstd": 1.1709695921034486,
  "efc": 0.5562348208601889,
  "fber": 1477.513916015625,
  "fd_mean": 0.21023306021483082,
  "fd_num": 103,
  "fd_perc": 35.39518900343643,
  "fwhm_avg": 2.2082783333333333,
  "fwhm_x": 2.22526,
  "fwhm_y": 2.38632,
  "fwhm_z": 2.013255,
  "gcor": 0.00862799,
  "gsr_x": -0.0020070511382073164,
  "gsr_y": 0.03835112974047661,
  "provenance": {
    "md5sum": "d5b086a101b0e79eaf14837781a7c2e5",
    "settings": {
      "fd_thres": 0.2,
      "testing": false
    },
    "software": "mriqc",
    "version": "23.1.0"
  },
  "size_t": 291,
  "size_x": 64,
  "size_y": 64,
  "size_z": 34,
  "snr": 4.032946062571428,
  "spacing_tr": 2.0,
  "spacing_x": 3.0,
  "spacing_y": 3.0,
  "spacing_z": 4.0,
  "summary_bg_k": 23.061232861228838,
  "summary_bg_mad": 10.846941207270113,
  "summary_bg_mean": 51.93672486279216,
  "summary_bg_median": 20.487972259521484,
  "summary_bg_n": 100694.0,
  "summary_bg_p05": 11.893470764160156,
  "summary_bg_p95": 209.5223388671875,
  "summary_bg_stdv": 78.13517112556767,
  "summary_fg_k": 0.9567714757322525,
  "summary_fg_mad": 166.1406272132486,
  "summary_fg_mean": 800.3294745064721,
  "summary_fg_median": 787.5257568359375,
  "summary_fg_n": 38570.0,
  "summary_fg_p05": 486.25775146484375,
  "summary_fg_p95": 1138.9759521484375,
  "summary_fg_stdv": 195.27053808954471,
  "tsnr": 55.41702542791609
}