{
  "aor": 0.00131310861423221,
  "aqi": 0.005587707078651686,
  "bids_meta": {
    "AccelNumReferenceLines": 24,
    "AccelerationFactorPE": 2,
    "AcquisitionMatrix": "64/0/0/64",
    "DeviceSerialNumber": "35343",
    "EPIFactor": 128,
    "EchoTime": 0.03,
    "EchoTrainLength": 1,
    "EffectiveEchoSpacing": 0.000395,
    "FlipAngle": 90,
    "ImageType": "ORIGINAL/PRIMARY/M/ND/MOSAIC",
    "ImagingFrequency": 123250092,
    "InPlanePhaseEncodingDirection": "COL",
    "MRAcquisitionType": "2D",
    "MagneticFieldStrength": 3,
    "ManufacturerModelName": "TrioTim",
    "NumberOfAverages": 1,
    "NumberOfPhaseEncodingSteps": 63,
    "PatientPosition": "HFS",
    "PercentPhaseFieldOfView": 100,
    "PercentSampling": 100,
    "PhaseEncodingDirection": "j-",
    "PixelBandwidth": 1420,
    "ProtocolName": "BOLD - BART",
    "ReceiveCoilName": "HeadMatrix",
    "RepetitionTime": 2,
    "ScanOptions": "FS",
    "ScanningSequence": "EP",
    "SequenceName": "*epfid2d1_64",
    "SequenceVariant": "SK",
    "SliceTiming": [
      1.005,
      0,
      1.0625,
      0.06,
      1.1225,
      0.1175,
      1.18,
      0.1775,
      1.24,
      0.2375,
      1.3,
      0.295,
      1.3575,
      0.355,
      1.4175,
      0.4125,
      1.4775,
      0.4725,
      1.535,
      0.5325,
      1.595,
      0.59,
      1.6525,
      0.65,
      1.7125,
      0.71,
      1.7725,
      0.7675,
      1.83,
      0.8275,
      1.89,
      0.885,
      1.9475,
      0.945
    ],
    "SoftwareVersions": "syngo MR B15",
    "TaskName": "bart",
    "TaskParameters": {
      "ISI": 3,
      "ITI": 2,
      "max_iti": 12,
      "mean_iti": 4,
      "min_iti": 1,
      "trigger_time": null
    },
    "TotalScanTimeSec": 542,
    "TransmitCoilName": "Body",
    "VariableFlipAngleFlag": "N",
    "dataset": "<unset>",
    "modality": "bold",
    "subject_id": "10377",
    "task_id": "bart"
  },
  "dummy_trs": 0,
  "dvars_nstd": 25.43017342958646,
  "dvars_std": 1.097369262631579,
  "dvars_vstd": 1.0170293624812035,
  "efc": 0.5568207028450263,
  "fber": 1425.70361328125,
  "fd_mean": 0.20723654632114505,
  "fd_num": 131,
  "fd_perc": 49.06367041198502,
  "fwhm_avg": 2.216095833333333,
  "fwhm_x": 2.2187533333333334,
  "fwhm_y": 2.3965466666666666,
  "fwhm_z": 2.0329875,
  "gcor": 0.0469773,
  "gsr_x": -0.00403839536011219,
  "gsr_y": 0.04418729618191719,
  "provenance": {
    "md5sum": "5066cf68dac13a306e195e96400f0dc6",
    "settings": {
      "fd_thres": 0.2,
      "testing": false
    },
    "software": "mriqc",
    "version": "23.1.0"
  },
  "size_t": 267,
  "size_x": 64,
  "size_y": 64,
  "size_z": 34,
  "snr": 4.006703707276513,
  "spacing_tr": 2.0,
  "spacing_x": 3.0,
  "spacing_y": 3.0,
  "spacing_z": 4.0,
  "summary_bg_k": 17.721024190858845,
  "summary_bg_mad": 9.82848639464528,
  "summary_bg_mean": 48.82091312731228,
  "summary_bg_median": 19.299625396728516,
  "summary_bg_n": 100782.0,
  "summary_bg_p05": 11.183520317077637,
  "summary_bg_p95": 200.02621459960938,
  "summary_bg_stdv": 72.09769576874228,
  "summary_fg_k": 1.0979558047722309,
  "summary_fg_mad": 150.52855618962758,
  "summary_fg_mean": 745.4551534773152,
  "summary_fg_median": 728.7247314453125,
  "summary_fg_n": 38482.0,
  "summary_fg_p05": 457.32958984375,
  "summary_fg_p95": 1067.1124267578125,
  "summary_fg_stdv": 181.87400822178665,
  "tsnr": 59.06342382449657
}