{
  "aor": 0.004198532608695652,
  "aqi": 0.004897730815217391,
  "bids_meta": {
    "AccelNumReferenceLines": 24,
    "AccelerationFactorPE": 2,
    "AcquisitionMatrix": "64/0/0/64",
    "DeviceSerialNumber": "35343",
    "EPIFactor": 128,
    "EchoTime": 0.03,
    "EchoTrainLength": 1,
    "EffectiveEchoSpacing": 0.000395,
    "FlipAngle": 90,
    "ImageType": "ORIGINAL/PRIMARY/M/ND/MOSAIC",
    "ImagingFrequency": 123249521,
    "InPlanePhaseEncodingDirection": "COL",
    "MRAcquisitionType": "2D",
    "MagneticFieldStrength": 3,
    "ManufacturerModelName": "TrioTim",
    "NumberOfAverages": 1,
    "NumberOfPhaseEncodingSteps": 63,
    "PatientPosition": "HFS",
    "PercentPhaseFieldOfView": 100,
    "PercentSampling": 100,
    "PhaseEncodingDirection": "j-",
    "PixelBandwidth": 1420,
    "ProtocolName": "BOLD - STOPSIGNAL",
    "ReceiveCoilName": "HeadMatrix",
    "RepetitionTime": 2,
    "ScanOptions": "FS",
    "ScanningSequence": "EP",
    "SequenceName": "*epfid2d1_64",
    "SequenceVariant": "SK",
    "SliceTiming": [
      1.005,
      0,
      1.0625,
      0.06,
      1.1225,
      0.1175,
      1.1825,
      0.1775,
      1.24,
      0.2375,
      1.3,
      0.295,
      1.3575,
      0.355,
      1.4175,
      0.4125,
      1.4775,
      0.4725,
      1.535,
      0.5325,
      1.595,
      0.59,
      1.6525,
      0.65,
      1.7125,
      0.71,
      1.7725,
      0.7675,
      1.83,
      0.8275,
      1.89,
      0.885,
      1.95,
      0.945
    ],
    "SoftwareVersions": "syngo MR B15",
    "TaskName": "stopsignal",
    "TaskParameters": {
      "Ladder1": [
        250,
        200,
        250,
        200,
        150,
        200,
        250,
        200,
        250,
        200,
        250,
        200,
        250,
        200,
        150,
        100,
        150,
        100,
        50,
        100,
        150,
        200,
        150,
        200,
        150,
        200,
        150,
        100,
        150,
        200,
        150,
        100,
        150
      ],
      "Ladder2": [
        350,
        300,
        250,
        300,
        350,
        300,
        250,
        200,
        150,
        200,
        150,
        200,
        250,
        300,
        250,
        300,
        250,
        200,
        250,
        200,
        150,
        100,
        50,
        0,
        50,
        0,
        50,
        100,
        50,
        100,
        150,
        200,
        150
      ],
      "Settings": {
        "BSI": 1,
        "ISI": 1.5,
        "Ladder1 start": 250,
        "Ladder2 start": 350,
        "NUMCHUNKS": 4,
        "OCI": 0.5,
        "Step": 50,
        "trigger_time": 8.2998
      }
    },
    "TotalScanTimeSec": 376,
    "TransmitCoilName": "Body",
    "VariableFlipAngleFlag": "N",
    "dataset": "<unset>",
    "modality": "bold",
    "subject_id": "10377",
    "task_id": "stopsignal"
  },
  "dummy_trs": 0,
  "dvars_nstd": 25.151750116448095,
  "dvars_std": 1.1325989068852464,
  "dvars_vstd": 1.0407525161202182,
  "efc": 0.5554662201418886,
  "fber": 1531.2567138671875,
  "fd_mean": 0.17039502034210594,
  "fd_num": 44,
  "fd_perc": 23.91304347826087,
  "fwhm_avg": 2.182145277777778,
  "fwhm_x": 2.1883433333333335,
  "fwhm_y": 2.35685,
  "fwhm_z": 2.0012425,
  "gcor": 0.0161899,
  "gsr_x": -0.0015688160201534629,
  "gsr_y": 0.03909765183925629,
  "provenance": {
    "md5sum": "898e38c1a2037de07767c3dcb0d5f80e",
    "settings": {
      "fd_thres": 0.2,
      "testing": false
    },
    "software": "mriqc",
    "version": "23.1.0"
  },
  "size_t": 184,
  "size_x": 64,
  "size_y": 64,
  "size_z": 34,
  "snr": 4.056112292906014,
  "spacing_tr": 2.0,
  "spacing_x": 3.0,
  "spacing_y": 3.0,
  "spacing_z": 4.0,
  "summary_bg_k": 21.609833012958003,
  "summary_bg_mad": 10.579656663105586,
  "summary_bg_mean": 51.342346296657084,
  "summary_bg_median": 20.244565963745117,
  "summary_bg_n": 100627.0,
  "summary_bg_p05": 11.831521987915039,
  "summary_bg_p95": 208.8478240966797,
  "summary_bg_stdv": 76.8749053720596,
  "summary_fg_k": 1.009410688776697,
  "summary_fg_mad": 164.58495362685704,
  "summary_fg_mean": 804.9722361098252,
  "summary_fg_median": 792.1956787109375,
  "summary_fg_n": 38637.0,
  "summary_fg_p05": 487.6793518066406,
  "summary_fg_p95": 1142.771728515625,
  "summary_fg_stdv": 195.30658168780982,
  "tsnr": 62.30010287440382
}