{
  "aor": 0.0006342307692307693,
  "aqi": 0.0051181758653846155,
  "bids_meta": {
    "AccelNumReferenceLines": 24,
    "AccelerationFactorPE": 2,
    "AcquisitionMatrix": "64/0/0/64",
    "DeviceSerialNumber": "35343",
    "EPIFactor": 128,
    "EchoTime": 0.03,
    "EchoTrainLength": 1,
    "EffectiveEchoSpacing": 0.000395,
    "FlipAngle": 90,
    "ImageType": "ORIGINAL/PRIMARY/M/ND/MOSAIC",
    "ImagingFrequency": 123249521,
    "InPlanePhaseEncodingDirection": "COL",
    "MRAcquisitionType": "2D",
    "MagneticFieldStrength": 3,
    "ManufacturerModelName": "TrioTim",
    "NumberOfAverages": 1,
    "NumberOfPhaseEncodingSteps": 63,
    "PatientPosition": "HFS",
    "PercentPhaseFieldOfView": 100,
    "PercentSampling": 100,
    "PhaseEncodingDirection": "j-",
    "PixelBandwidth": 1420,
    "ProtocolName": "BOLD - TASKSWITCH",
    "ReceiveCoilName": "HeadMatrix",
    "RepetitionTime": 2,
    "ScanOptions": "FS",
    "ScanningSequence": "EP",
    "SequenceName": "*epfid2d1_64",
    "SequenceVariant": "SK",
    "SliceTiming": [
      1.005,
      0,
      1.065,
      0.06,
      1.1225,
      0.12,
      1.1825,
      0.1775,
      1.24,
      0.2375,
      1.3,
      0.295,
      1.36,
      0.355,
      1.4175,
      0.415,
      1.4775,
      0.4725,
      1.535,
      0.5325,
      1.595,
      0.5925,
      1.655,
      0.65,
      1.7125,
      0.71,
      1.7725,
      0.7675,
      1.8325,
      0.8275,
      1.89,
      0.8875,
      1.95,
      0.945
    ],
    "SoftwareVersions": "syngo MR B15",
    "TaskName": "taskswitch",
    "TaskParameters": {
      "button_set": 1,
      "left_color": "red",
      "left_shape": "triangle",
      "right_color": "green",
      "right_shape": "circle",
      "trigger_time": 10.287
    },
    "TotalScanTimeSec": 424,
    "TransmitCoilName": "Body",
    "VariableFlipAngleFlag": "N",
    "dataset": "<unset>",
    "modality": "bold",
    "subject_id": "10377",
    "task_id": "taskswitch"
  },
  "dummy_trs": 0,
  "dvars_nstd": 26.282340855748807,
  "dvars_std": 1.1008003399033817,
  "dvars_vstd": 0.9816711701449276,
  "efc": 0.557185698428679,
  "fber": 1471.3011474609375,
  "fd_mean": 0.22608058913764129,
  "fd_num": 117,
  "fd_perc": 56.25,
  "fwhm_avg": 2.2416208333333336,
  "fwhm_x": 2.26152,
  "fwhm_y": 2.42531,
  "fwhm_z": 2.0380325,
  "gcor": 0.0134202,
  "gsr_x": -0.0011918980162590742,
  "gsr_y": 0.03951980918645859,
  "provenance": {
    "md5sum": "804306c882a000142a828b1d8102e5b6",
    "settings": {
      "fd_thres": 0.2,
      "testing": false
    },
    "software": "mriqc",
    "version": "23.1.0"
  },
  "size_t": 208,
  "size_x": 64,
  "size_y": 64,
  "size_z": 34,
  "snr": 3.9732876714025767,
  "spacing_tr": 2.0,
  "spacing_x": 3.0,
  "spacing_y": 3.0,
  "spacing_z": 4.0,
  "summary_bg_k": 22.20269733106463,
  "summary_bg_mad": 10.670458583493264,
  "summary_bg_mean": 52.52597974562187,
  "summary_bg_median": 20.485578536987305,
  "summary_bg_n": 100572.0,
  "summary_bg_p05": 12.115385055541992,
  "summary_bg_p95": 212.28366088867188,
  "summary_bg_stdv": 79.49846388536261,
  "summary_fg_k": 1.0498356735131535,
  "summary_fg_mad": 167.9296314771558,
  "summary_fg_mean": 800.2175202208493,
  "summary_fg_median": 785.7764892578125,
  "summary_fg_n": 38692.0,
  "summary_fg_p05": 483.8702087402344,
  "summary_fg_p95": 1145.6346435546875,
  "summary_fg_stdv": 197.76225632933637,
  "tsnr": 62.31595018017106
}