{
  "bids_meta": {
    "AcquisitionMatrixPE": 256,
    "AcquisitionNumber": 1,
    "AcquisitionTime": "11:22:5.760000",
    "BodyPartExamined": "HEAD",
    "CoilString": "HeadNeck_20",
    "ConversionSoftware": "dcm2niix",
    "ConversionSoftwareVersion": "v1.0.20211006",
    "Dcm2bidsVersion": "2.1.6",
    "DeviceSerialNumber": "66040",
    "EchoTime": 0.00303,
    "FlipAngle": 9,
    "ImageOrientationPatientDICOM": [
      -0.0488082,
      0.998452,
      -0.0266653,
      0.0524713,
      -0.024097,
      -0.998332
    ],
    "ImageType": [
      "ORIGINAL",
      "PRIMARY",
      "M",
      "NONE"
    ],
    "ImagingFrequency": 123.21,
    "InPlanePhaseEncodingDirectionDICOM": "ROW",
    "InstitutionAddress": "Magyar Tudosok Korutja 2,Budapest,,HU,1117",
    "InstitutionName": "RCNS",
    "InstitutionalDepartmentName": "BIC",
    "InversionTime": 0.9,
    "MRAcquisitionType": "3D",
    "MTState": true,
    "MagneticFieldStrength": 3,
    "Manufacturer": "Siemens",
    "ManufacturersModelName": "MAGNETOM Prisma",
    "Modality": "MR",
    "ParallelAcquisitionTechnique": "GRAPPA",
    "ParallelReductionFactorInPlane": 2,
    "PatientPosition": "HFS",
    "PercentPhaseFOV": 100,
    "PercentSampling": 100,
    "PixelBandwidth": 130,
    "ProcedureStepDescription": "head MR-artefacts",
    "ProtocolName": "MPRAGE_move2",
    "ReceiveCoilActiveElements": "HE1-4;NE1,2",
    "ReconMatrixPE": 256,
    "RepetitionTime": 2.3,
    "SequenceVariant": "SK\\SP\\MP",
    "SeriesDescription": "MPRAGE_move2",
    "SeriesNumber": 7,
    "SliceThickness": 1,
    "SoftwareVersions": "syngo MR XA30",
    "StationName": "AWP66040",
    "acq_id": "headmotion2",
    "dataset": "<unset>",
    "modality": "T1w",
    "subject_id": "185823"
  },
  "cjv": 0.9317415216086161,
  "cnr": 0.9876934232581265,
  "efc": 0.614421709048374,
  "fber": 2896.0810536545096,
  "fwhm_avg": 4.999356666666667,
  "fwhm_x": 4.5624,
  "fwhm_y": 5.1657,
  "fwhm_z": 5.26997,
  "icvs_csf": 0.25798571648530094,
  "icvs_gm": 0.37067491154637494,
  "icvs_wm": 0.37133937196832423,
  "inu_med": 0.8380034863948822,
  "inu_range": 0.479276642203331,
  "provenance": {
    "md5sum": "8c26ac843cf3ce4156ef12bbab1a2a7a",
    "settings": {
      "testing": false
    },
    "software": "mriqc",
    "version": "23.1.0",
    "warnings": {
      "large_rot_frame": true,
      "small_air_mask": false
    }
  },
  "qi_1": 0.0,
  "qi_2": 0.003797805874783794,
  "rpve_csf": 7.983504957195691,
  "rpve_gm": 7.828805990978541,
  "rpve_wm": 7.933896762618961,
  "size_x": 192,
  "size_y": 256,
  "size_z": 256,
  "snr_csf": 2.747921998627311,
  "snr_gm": 5.299839690543591,
  "snr_total": 5.635740599186288,
  "snr_wm": 8.859460108387964,
  "snrd_csf": 15.312739951028504,
  "snrd_gm": 22.310265093073827,
  "snrd_total": 21.7135691111729,
  "snrd_wm": 27.517702289416373,
  "spacing_x": 1.0,
  "spacing_y": 1.0,
  "spacing_z": 1.0,
  "summary_bg_k": 7.801391219685771,
  "summary_bg_mad": 0.0,
  "summary_bg_mean": 12.970850523991926,
  "summary_bg_median": 0.0,
  "summary_bg_n": 3326353.0,
  "summary_bg_p05": 0.0,
  "summary_bg_p95": 58.20361587405205,
  "summary_bg_stdv": 21.70350215653663,
  "summary_csf_k": -0.13640688851975202,
  "summary_csf_mad": 117.29503238405253,
  "summary_csf_mean": 502.1943779598523,
  "summary_csf_median": 507.2838031128049,
  "summary_csf_n": 400274.1266831495,
  "summary_csf_p05": 194.18963831663132,
  "summary_csf_p95": 798.5682605877519,
  "summary_csf_stdv": 184.60610224574313,
  "summary_gm_k": 0.9651819677468132,
  "summary_gm_mad": 84.2194129828256,
  "summary_gm_mean": 743.2271726613836,
  "summary_gm_median": 739.0993487164378,
  "summary_gm_n": 575115.469662184,
  "summary_gm_p05": 519.3041150867939,
  "summary_gm_p95": 975.077052205801,
  "summary_gm_stdv": 139.4568042253941,
  "summary_wm_k": 0.4878325121291427,
  "summary_wm_mad": 76.51822398791306,
  "summary_wm_mean": 910.0940535147424,
  "summary_wm_median": 911.6124687641859,
  "summary_wm_n": 576146.4039275949,
  "summary_wm_p05": 736.4688649326563,
  "summary_wm_p95": 1077.6992170363665,
  "summary_wm_stdv": 102.89697865127948,
  "tpm_overlap_csf": 0.23516841611763573,
  "tpm_overlap_gm": 0.5318766214596824,
  "tpm_overlap_wm": 0.5513837063361396,
  "wm2max": 0.49324397362447303
}