{
  "bids_meta": {
    "AcquisitionMatrixPE": 256,
    "AcquisitionNumber": 1,
    "AcquisitionTime": "11:08:48.037500",
    "BodyPartExamined": "HEAD",
    "CoilString": "HeadNeck_20",
    "ConversionSoftware": "dcm2niix",
    "ConversionSoftwareVersion": "v1.0.20211006",
    "Dcm2bidsVersion": "2.1.6",
    "DeviceSerialNumber": "66040",
    "EchoTime": 0.00303,
    "FlipAngle": 9,
    "ImageOrientationPatientDICOM": [
      -0.0488082,
      0.998452,
      -0.0266653,
      0.0524713,
      -0.024097,
      -0.998332
    ],
    "ImageType": [
      "ORIGINAL",
      "PRIMARY",
      "M",
      "NONE"
    ],
    "ImagingFrequency": 123.21,
    "InPlanePhaseEncodingDirectionDICOM": "ROW",
    "InstitutionAddress": "Magyar Tudosok Korutja 2,Budapest,,HU,1117",
    "InstitutionName": "RCNS",
    "InstitutionalDepartmentName": "BIC",
    "InversionTime": 0.9,
    "MRAcquisitionType": "3D",
    "MTState": true,
    "MagneticFieldStrength": 3,
    "Manufacturer": "Siemens",
    "ManufacturersModelName": "MAGNETOM Prisma",
    "Modality": "MR",
    "ParallelAcquisitionTechnique": "GRAPPA",
    "ParallelReductionFactorInPlane": 2,
    "PatientPosition": "HFS",
    "PercentPhaseFOV": 100,
    "PercentSampling": 100,
    "PixelBandwidth": 130,
    "ProcedureStepDescription": "head MR-artefacts",
    "ProtocolName": "MPRAGE_conventional",
    "ReceiveCoilActiveElements": "HE1-4;NE1,2",
    "ReconMatrixPE": 256,
    "RepetitionTime": 2.3,
    "SequenceVariant": "SK\\SP\\MP",
    "SeriesDescription": "MPRAGE_conventional",
    "SeriesNumber": 5,
    "SliceThickness": 1,
    "SoftwareVersions": "syngo MR XA30",
    "StationName": "AWP66040",
    "acq_id": "standard",
    "dataset": "<unset>",
    "modality": "T1w",
    "subject_id": "185823"
  },
  "cjv": 0.5139453680407108,
  "cnr": 2.0201880798489045,
  "efc": 0.5692471858640353,
  "fber": 17065.85950413223,
  "fwhm_avg": 5.3097666666666665,
  "fwhm_x": 4.97286,
  "fwhm_y": 5.53536,
  "fwhm_z": 5.42108,
  "icvs_csf": 0.2686474087407691,
  "icvs_gm": 0.3858235406078438,
  "icvs_wm": 0.34552905065138706,
  "inu_med": 0.47257664799690247,
  "inu_range": 0.19588326215744017,
  "provenance": {
    "md5sum": "3dbd7095e46ed193d31d5ef3555ef74f",
    "settings": {
      "testing": false
    },
    "software": "mriqc",
    "version": "23.1.0",
    "warnings": {
      "large_rot_frame": true,
      "small_air_mask": false
    }
  },
  "qi_1": 0.0,
  "qi_2": 0.0026093929176829126,
  "rpve_csf": 7.9128260807642326,
  "rpve_gm": 7.845899536513887,
  "rpve_wm": 7.946222869819496,
  "size_x": 192,
  "size_y": 256,
  "size_z": 256,
  "snr_csf": 2.2729007907436727,
  "snr_gm": 6.0791961882227765,
  "snr_total": 7.360577898115963,
  "snr_wm": 13.72963671538144,
  "snrd_csf": 86.26879620922564,
  "snrd_gm": 139.07221855840714,
  "snrd_total": 139.56669279744446,
  "snrd_wm": 193.35906362470055,
  "spacing_x": 1.0,
  "spacing_y": 1.0,
  "spacing_z": 1.0,
  "summary_bg_k": 5.251910597966891,
  "summary_bg_mad": 0.0,
  "summary_bg_mean": 2.137572778599857,
  "summary_bg_median": 0.0,
  "summary_bg_n": 3309555.0,
  "summary_bg_p05": 0.0,
  "summary_bg_p95": 7.076299700886011,
  "summary_bg_stdv": 3.3040871988559335,
  "summary_csf_k": -0.6963261084951324,
  "summary_csf_mad": 144.39604394294247,
  "summary_csf_mean": 437.40185591916344,
  "summary_csf_median": 435.0843964945525,
  "summary_csf_n": 421445.7272035481,
  "summary_csf_p05": 129.39905292727053,
  "summary_csf_p95": 741.8770999386907,
  "summary_csf_stdv": 191.42229264264432,
  "summary_gm_k": -0.6720503316854392,
  "summary_gm_mad": 88.53567752574757,
  "summary_gm_mean": 704.7724565781365,
  "summary_gm_median": 701.3909424897283,
  "summary_gm_n": 605268.0106087476,
  "summary_gm_p05": 517.4341590441763,
  "summary_gm_p95": 910.6819592155516,
  "summary_gm_stdv": 115.37551040761416,
  "summary_wm_k": -0.45391706421554456,
  "summary_wm_mad": 52.17638526279923,
  "summary_wm_mean": 954.5718238527579,
  "summary_wm_median": 975.1789198480546,
  "summary_wm_n": 542055.2638281462,
  "summary_wm_p05": 809.5070787593722,
  "summary_wm_p95": 1038.082362608984,
  "summary_wm_stdv": 71.02722676087318,
  "tpm_overlap_csf": 0.21603090009534204,
  "tpm_overlap_gm": 0.5299137501812324,
  "tpm_overlap_wm": 0.544658069965799,
  "wm2max": 0.660997017504045
}