{
  "aor": 0.006749791666666667,
  "aqi": 0.007870876041666666,
  "bids_meta": {
    "CogAtlasID": "http://www.cognitiveatlas.org/task/id/trm_4c8a834779883",
    "EchoTime": 0.034,
    "FlipAngle": 90,
    "ImageType": [
      "IMAGE",
      "M series"
    ],
    "MagneticFieldStrength": 3,
    "Manufacturer": "Philips",
    "ManufacturersModelName": "Achieva",
    "ProcedureStepDescription": "none",
    "ProtocolName": "NO_STIMULATION SENSE",
    "RepetitionTime": 2,
    "ScanningSequence": "EP",
    "SequenceName": "NO_STIMULATION SENSE",
    "SequenceVariant": "SK",
    "SeriesDescription": "NO_STIMULATION SENSE",
    "TaskName": "rest",
    "dataset": "<unset>",
    "modality": "bold",
    "run_id": 1,
    "session_id": "01",
    "subject_id": "502",
    "task_id": "rest"
  },
  "dummy_trs": 0,
  "dvars_nstd": 27.099645681328667,
  "dvars_std": 1.3738002125874127,
  "dvars_vstd": 1.0476788172727278,
  "efc": 0.3804943504302317,
  "fber": 35171.8515625,
  "fd_mean": 0.19834252013586315,
  "fd_num": 39,
  "fd_perc": 27.083333333333332,
  "fwhm_avg": 2.4742073333333328,
  "fwhm_x": 2.74776,
  "fwhm_y": 3.1351519999999997,
  "fwhm_z": 1.53971,
  "gcor": 0.0167224,
  "gsr_x": -0.018091831356287003,
  "gsr_y": 0.01509927585721016,
  "provenance": {
    "md5sum": "0e2f9385891e7a4705e4f61eab208b39",
    "settings": {
      "fd_thres": 0.2,
      "testing": false
    },
    "software": "mriqc",
    "version": "23.1.0"
  },
  "size_t": 144,
  "size_x": 128,
  "size_y": 128,
  "size_z": 34,
  "snr": 4.956941690209572,
  "spacing_tr": 2.0,
  "spacing_x": 1.875,
  "spacing_y": 1.875,
  "spacing_z": 4.0,
  "summary_bg_k": 45.36118713808394,
  "summary_bg_mad": 6.344698799597194,
  "summary_bg_mean": 22.267136290033932,
  "summary_bg_median": 4.5245630741119385,
  "summary_bg_n": 478284.0,
  "summary_bg_p05": 0.08288212865591049,
  "summary_bg_p95": 98.67163848876953,
  "summary_bg_stdv": 56.51375792876032,
  "summary_fg_k": 1.7157636714630549,
  "summary_fg_mad": 143.02844764621383,
  "summary_fg_mean": 840.6117981403092,
  "summary_fg_median": 848.5437927246094,
  "summary_fg_n": 78772.0,
  "summary_fg_p05": 521.5003662109375,
  "summary_fg_p95": 1096.411376953125,
  "summary_fg_stdv": 171.18184147868917,
  "tsnr": 70.25714874267578
}