{
  "aor": 0.0012924691358024692,
  "aqi": 0.005422682716049384,
  "bids_meta": {
    "AcquisitionDuration": 420,
    "AcquisitionMatrix": "80x78",
    "EchoTime": 0.03,
    "FieldofViewDimensions": "200x200",
    "FieldofViewShape": "Rectangle",
    "FlipAngle": 90,
    "Instructions": "participants were instructed to relax, fixate on a white cross (against a black background) and think of nothing in particular.",
    "MagneicFieldStrength": 3.0,
    "Manufacturer": "Philips",
    "ManufacturersModelName": "Achieva Ds",
    "Notes": "Reconstructed voxels 1.56x1.56x2.7",
    "NumberOfSlices": 45,
    "NumberofMeasurements": "162",
    "ParallelAcquisition": "Yes",
    "ParallelAcquisitionTechnique": "SENSE",
    "ParallelReductionFactorIn-plane": "2",
    "PhaseEncodingDirection": "j-",
    "PixelBandwidth": "2188",
    "PixelSpacing": "2.5x2.56",
    "PlaneOrientationSequentialuence": "Axial",
    "PulseSequenceType": "EPI",
    "ReceiveCoilName": "32 Chan",
    "ReceiveCoilType": "Head",
    "RepetitionTime": 2.5,
    "ScanOptions": "FS",
    "SliceAcquisitionOrder": "Sequential Ascending",
    "SliceEncodingDirection": "k",
    "SliceThickness": 2.7,
    "SliceTiming": [
      0.0,
      0.055560000000000005,
      0.11111,
      0.16666999999999998,
      0.22222,
      0.27777999999999997,
      0.33332999999999996,
      0.38889,
      0.44444,
      0.5,
      0.5555599999999999,
      0.61111,
      0.66667,
      0.72222,
      0.77778,
      0.83333,
      0.88889,
      0.9444400000000001,
      1.0,
      1.05556,
      1.1111099999999998,
      1.16667,
      1.22222,
      1.27778,
      1.33333,
      1.3888900000000002,
      1.44444,
      1.5,
      1.55556,
      1.6111099999999998,
      1.66667,
      1.72222,
      1.77778,
      1.83333,
      1.8888900000000002,
      1.94444,
      2.0,
      2.05556,
      2.11111,
      2.16667,
      2.2222199999999996,
      2.2777800000000004,
      2.33333,
      2.38889,
      2.44444
    ],
    "SpacingBetweenSlices": 3.1,
    "TaskDescription": "Scan sessions started with the acquisition of the anatomical followed by the resting state scan (in turn followed by two task-related fMRI runs). During the resting state scan, participants were instructed to relax, fixate on a white cross (against a black background) and think of nothing in particular.",
    "TaskName": "rest",
    "dataset": "<unset>",
    "modality": "bold",
    "run_id": 1,
    "session_id": "01",
    "subject_id": "309",
    "task_id": "rest"
  },
  "dummy_trs": 0,
  "dvars_nstd": 26.639271173167693,
  "dvars_std": 1.251486344844721,
  "dvars_vstd": 1.0206540891925462,
  "efc": 0.5373175467030722,
  "fber": 10352.4248046875,
  "fd_mean": 0.2027231884528648,
  "fd_num": 77,
  "fd_perc": 47.53086419753087,
  "fwhm_avg": 2.443932430191369,
  "fwhm_x": 2.6754304,
  "fwhm_y": 2.984096,
  "fwhm_z": 1.6722708905741066,
  "gcor": 0.0300713,
  "gsr_x": 0.00633581355214119,
  "gsr_y": 0.030169140547513962,
  "provenance": {
    "md5sum": "d32c28be92321fe02b17c177396f94ca",
    "settings": {
      "fd_thres": 0.2,
      "testing": false
    },
    "software": "mriqc",
    "version": "23.1.0"
  },
  "size_t": 162,
  "size_x": 128,
  "size_y": 128,
  "size_z": 45,
  "snr": 4.853175819960272,
  "spacing_tr": 2.5,
  "spacing_x": 1.5625,
  "spacing_y": 1.5625,
  "spacing_z": 3.1000001430511475,
  "summary_bg_k": 29.185252252994303,
  "summary_bg_mad": 15.320223160211164,
  "summary_bg_mean": 63.18659447054151,
  "summary_bg_median": 11.802469253540039,
  "summary_bg_n": 537369.0,
  "summary_bg_p05": 1.0555555820465088,
  "summary_bg_p95": 323.8888854980469,
  "summary_bg_stdv": 126.94810388812807,
  "summary_fg_k": 2.0046915769931024,
  "summary_fg_mad": 216.90839659437853,
  "summary_fg_mean": 1203.3540596596101,
  "summary_fg_median": 1200.8642578125,
  "summary_fg_n": 199911.0,
  "summary_fg_p05": 789.43212890625,
  "summary_fg_p95": 1582.2222900390625,
  "summary_fg_stdv": 247.4382340265952,
  "tsnr": 71.40992130152881
}