{
  "aor": 0.0017441322314049592,
  "aqi": 0.008666090165289256,
  "bids_meta": {
    "AccelNumReferenceLines": 24,
    "AccelerationFactorPE": 2,
    "AcquisitionMatrix": "64/0/0/64",
    "DeviceSerialNumber": "35426",
    "EPIFactor": 128,
    "EchoTime": 0.03,
    "EchoTrainLength": 1,
    "EffectiveEchoSpacing": 0.000395,
    "FlipAngle": 90,
    "ImageType": "ORIGINAL/PRIMARY/M/ND/MOSAIC",
    "ImagingFrequency": 123191556,
    "InPlanePhaseEncodingDirection": "COL",
    "MRAcquisitionType": "2D",
    "MagneticFieldStrength": 3,
    "ManufacturerModelName": "TrioTim",
    "NumberOfAverages": 1,
    "NumberOfPhaseEncodingSteps": 63,
    "PatientPosition": "HFS",
    "PercentPhaseFieldOfView": 100,
    "PercentSampling": 100,
    "PhaseEncodingDirection": "j-",
    "PixelBandwidth": 1420,
    "ProtocolName": "BOLD - PAMenc",
    "ReceiveCoilName": "HeadMatrix",
    "RepetitionTime": 2,
    "ScanOptions": "FS",
    "ScanningSequence": "EP",
    "SequenceName": "epfid2d1_64",
    "SequenceVariant": "SK",
    "SliceTiming": [
      1.005,
      0,
      1.065,
      0.06,
      1.1225,
      0.12,
      1.1825,
      0.1775,
      1.24,
      0.2375,
      1.3,
      0.295,
      1.36,
      0.355,
      1.4175,
      0.415,
      1.4775,
      0.4725,
      1.535,
      0.5325,
      1.595,
      0.5925,
      1.655,
      0.65,
      1.7125,
      0.71,
      1.7725,
      0.7675,
      1.8325,
      0.8275,
      1.89,
      0.8875,
      1.95,
      0.945
    ],
    "SoftwareVersions": "syngo MR B17",
    "TaskName": "pamenc",
    "TaskParameters": {
      "trigger_time": 8.138
    },
    "TotalScanTimeSec": 492,
    "TransmitCoilName": "Body",
    "VariableFlipAngleFlag": "N",
    "dataset": "<unset>",
    "modality": "bold",
    "subject_id": "028",
    "task_id": "pamenc"
  },
  "dummy_trs": 0,
  "dvars_nstd": 23.20577264560167,
  "dvars_std": 1.0532577769294613,
  "dvars_vstd": 0.9992591846058094,
  "efc": 0.5811745470926578,
  "fber": 1510.7550048828125,
  "fd_mean": 0.23624758766404502,
  "fd_num": 141,
  "fd_perc": 58.264462809917354,
  "fwhm_avg": 2.2445463888888892,
  "fwhm_x": 2.2223633333333335,
  "fwhm_y": 2.4698933333333333,
  "fwhm_z": 2.0413825,
  "gcor": 0.0119883,
  "gsr_x": -0.011330380104482174,
  "gsr_y": 0.05077846348285675,
  "provenance": {
    "md5sum": "5fa0c6e0cb84ae49dd6f158d04be4f8b",
    "settings": {
      "fd_thres": 0.2,
      "testing": false
    },
    "software": "mriqc",
    "version": "23.1.0"
  },
  "size_t": 242,
  "size_x": 64,
  "size_y": 64,
  "size_z": 34,
  "snr": 4.092738534025585,
  "spacing_tr": 2.0,
  "spacing_x": 3.0,
  "spacing_y": 3.0,
  "spacing_z": 4.0,
  "summary_bg_k": 13.204657716246263,
  "summary_bg_mad": 12.151824329258613,
  "summary_bg_mean": 54.75272950781803,
  "summary_bg_median": 19.582643508911133,
  "summary_bg_n": 96974.0,
  "summary_bg_p05": 7.603305339813232,
  "summary_bg_p95": 235.27685546875,
  "summary_bg_stdv": 80.27266972784275,
  "summary_fg_k": 0.9569998442392533,
  "summary_fg_mad": 151.85334235167116,
  "summary_fg_mean": 773.4370265130372,
  "summary_fg_median": 761.1466369628906,
  "summary_fg_n": 42290.0,
  "summary_fg_p05": 469.56195068359375,
  "summary_fg_p95": 1104.156982421875,
  "summary_fg_stdv": 185.97270054005196,
  "tsnr": 53.0076069268398
}